PATH
  remote: .
  specs:
    card (1.101.6)
      activerecord-import (~> 1.0)
      bootstrap4-kaminari-views (~> 1.0)
      cardname (= 0.11.6)
      coderay (~> 1.1)
      coffee-script (~> 2.4)
      colorize (~> 0.8)
      diff-lcs (~> 1.3)
      haml (~> 5.0)
      jwt (~> 2.2)
      kaminari (~> 1.0)
      rails (~> 6.1.3.1)
      rake (~> 13.0)
      sassc (~> 2.0)
      sprockets (~> 3.7)
      uglifier (~> 4.2)
    card-mod-account (0.11.6)
      card (= 1.101.6)
      card-mod-email (= 0.11.6)
      card-mod-list (= 0.11.6)
      card-mod-permissions (= 0.11.6)
    card-mod-ace_editor (0.11.6)
      card (= 1.101.6)
      card-mod-edit (= 0.11.6)
      card-mod-script (= 0.11.6)
    card-mod-alias (0.11.6)
      card (= 1.101.6)
    card-mod-api_key (0.11.6)
      card (= 1.101.6)
      card-mod-account (= 0.11.6)
    card-mod-bar_and_box (0.11.6)
      card (= 1.101.6)
      card-mod-style (= 0.11.6)
    card-mod-bootstrap (0.11.6)
      card (= 1.101.6)
      card-mod-bar_and_box (= 0.11.6)
      card-mod-edit (= 0.11.6)
      card-mod-script (= 0.11.6)
      card-mod-style (= 0.11.6)
    card-mod-carrierwave (0.11.6)
      card (= 1.101.6)
      card-mod-history (= 0.11.6)
      card-mod-permissions (= 0.11.6)
      carrierwave (~> 2.2.1)
      mini_magick (~> 4.2)
    card-mod-collection (0.11.6)
      card (= 1.101.6)
    card-mod-comment (0.11.6)
      card (= 1.101.6)
      card-mod-permissions (= 0.11.6)
    card-mod-content (0.11.6)
      card (= 1.101.6)
    card-mod-date (0.11.6)
      card (= 1.101.6)
    card-mod-defaults (0.11.6)
      card (= 1.101.6)
      card-mod-account (= 0.11.6)
      card-mod-ace_editor (= 0.11.6)
      card-mod-alias (= 0.11.6)
      card-mod-api_key (= 0.11.6)
      card-mod-bar_and_box (= 0.11.6)
      card-mod-bootstrap (= 0.11.6)
      card-mod-carrierwave (= 0.11.6)
      card-mod-comment (= 0.11.6)
      card-mod-date (= 0.11.6)
      card-mod-delayed_job (= 0.11.6)
      card-mod-follow (= 0.11.6)
      card-mod-google_analytics (= 0.11.6)
      card-mod-help (= 0.11.6)
      card-mod-history (= 0.11.6)
      card-mod-integrate (= 0.11.6)
      card-mod-layout (= 0.11.6)
      card-mod-legacy (= 0.11.6)
      card-mod-list (= 0.11.6)
      card-mod-machines (= 0.11.6)
      card-mod-markdown (= 0.11.6)
      card-mod-permissions (= 0.11.6)
      card-mod-prosemirror_editor (= 0.11.6)
      card-mod-recaptcha (= 0.11.6)
      card-mod-rules (= 0.11.6)
      card-mod-search (= 0.11.6)
      card-mod-tinymce_editor (= 0.11.6)
    card-mod-delayed_job (0.11.6)
      card (= 1.101.6)
      daemons
      delayed_job_active_record (>= 4.1)
      delayed_job_web
    card-mod-edit (0.11.6)
      card (= 1.101.6)
    card-mod-email (0.11.6)
      card (= 1.101.6)
    card-mod-follow (0.11.6)
      card (= 1.101.6)
      card-mod-carrierwave (= 0.11.6)
    card-mod-format (0.11.6)
      card (= 1.101.6)
      card-mod-content (= 0.11.6)
    card-mod-google_analytics (0.11.6)
      card (= 1.101.6)
      staccato
    card-mod-help (0.11.6)
      card (= 1.101.6)
    card-mod-history (0.11.6)
      card (= 1.101.6)
    card-mod-integrate (0.11.6)
      card (= 1.101.6)
    card-mod-layout (0.11.6)
      card (= 1.101.6)
      card-mod-account (= 0.11.6)
      card-mod-session (= 0.11.6)
    card-mod-legacy (0.11.6)
      card (= 1.101.6)
    card-mod-list (0.11.6)
      card (= 1.101.6)
      card-mod-collection (= 0.11.6)
      card-mod-format (= 0.11.6)
    card-mod-machines (0.11.6)
      card (= 1.101.6)
      card-mod-carrierwave (= 0.11.6)
      card-mod-format (= 0.11.6)
      card-mod-list (= 0.11.6)
      card-mod-virtual (= 0.11.6)
      execjs (~> 2.7, != 2.8.0)
    card-mod-markdown (0.11.6)
      card (= 1.101.6)
      kramdown
    card-mod-monkey (0.11.6)
      better_errors
      card (= 1.101.6)
      colorize
      html2haml
      pry-byebug
      pry-rails
      pry-rescue
      pry-stack_explorer
      rubocop
    card-mod-permissions (0.11.6)
      card (= 1.101.6)
    card-mod-platypus (0.11.6)
      card (= 1.101.6)
      codeclimate-test-reporter
      fog-aws
      yard
    card-mod-prosemirror_editor (0.11.6)
      card (= 1.101.6)
      card-mod-edit (= 0.11.6)
    card-mod-recaptcha (0.11.6)
      card (= 1.101.6)
      recaptcha (~> 4.13.1)
    card-mod-rules (0.11.6)
      card (= 1.101.6)
      card-mod-format (= 0.11.6)
      card-mod-search (= 0.11.6)
    card-mod-script (0.11.6)
      card (= 1.101.6)
      card-mod-list (= 0.11.6)
      card-mod-machines (= 0.11.6)
    card-mod-search (0.11.6)
      card (= 1.101.6)
      card-mod-collection (= 0.11.6)
    card-mod-session (0.11.6)
      card (= 1.101.6)
      card-mod-list (= 0.11.6)
    card-mod-style (0.11.6)
      card (= 1.101.6)
      card-mod-list (= 0.11.6)
      card-mod-machines (= 0.11.6)
    card-mod-tinymce_editor (0.11.6)
      card (= 1.101.6)
      card-mod-edit (= 0.11.6)
    card-mod-virtual (0.11.6)
      card (= 1.101.6)
    cardname (0.11.6)
      activesupport (~> 6)
      htmlentities (~> 4.3)
    decko (0.11.6)
      card (= 1.101.6)
      card-mod-defaults (= 0.11.6)
    decko-cucumber (0.11.6)
      capybara (~> 2.18)
      capybara-puma
      chromedriver-helper (~> 2.1.0)
      cucumber (~> 3.1)
      cucumber-expressions
      cucumber-rails
      database_cleaner (~> 1.5)
      email_spec
      launchy
      rspec
      selenium-webdriver (= 3.141.0)
      simplecov (~> 0.17.1)
    decko-cypress (0.11.6)
      cypress-on-rails (~> 1.4)
    decko-profile (0.11.6)
      ruby-prof
    decko-rspec (0.11.6)
      i18n-tasks (~> 0.9.5)
      minitest
      nokogumbo
      rails-controller-testing
      rr
      rspec
      rspec-html-matchers (= 0.9.1)
      rspec-rails (~> 5)
      rubocop-rspec
      simplecov (~> 0.17.1)
      spork (>= 0.9)
      timecop
    decko-spring (0.11.6)
      listen (= 3.0.6)
      spring
      spring-commands-cucumber
      spring-commands-rspec

GEM
  remote: http://rubygems.org/
  specs:
    actioncable (6.1.3.2)
      actionpack (= 6.1.3.2)
      activesupport (= 6.1.3.2)
      nio4r (~> 2.0)
      websocket-driver (>= 0.6.1)
    actionmailbox (6.1.3.2)
      actionpack (= 6.1.3.2)
      activejob (= 6.1.3.2)
      activerecord (= 6.1.3.2)
      activestorage (= 6.1.3.2)
      activesupport (= 6.1.3.2)
      mail (>= 2.7.1)
    actionmailer (6.1.3.2)
      actionpack (= 6.1.3.2)
      actionview (= 6.1.3.2)
      activejob (= 6.1.3.2)
      activesupport (= 6.1.3.2)
      mail (~> 2.5, >= 2.5.4)
      rails-dom-testing (~> 2.0)
    actionpack (6.1.3.2)
      actionview (= 6.1.3.2)
      activesupport (= 6.1.3.2)
      rack (~> 2.0, >= 2.0.9)
      rack-test (>= 0.6.3)
      rails-dom-testing (~> 2.0)
      rails-html-sanitizer (~> 1.0, >= 1.2.0)
    actiontext (6.1.3.2)
      actionpack (= 6.1.3.2)
      activerecord (= 6.1.3.2)
      activestorage (= 6.1.3.2)
      activesupport (= 6.1.3.2)
      nokogiri (>= 1.8.5)
    actionview (6.1.3.2)
      activesupport (= 6.1.3.2)
      builder (~> 3.1)
      erubi (~> 1.4)
      rails-dom-testing (~> 2.0)
      rails-html-sanitizer (~> 1.1, >= 1.2.0)
    activejob (6.1.3.2)
      activesupport (= 6.1.3.2)
      globalid (>= 0.3.6)
    activemodel (6.1.3.2)
      activesupport (= 6.1.3.2)
    activerecord (6.1.3.2)
      activemodel (= 6.1.3.2)
      activesupport (= 6.1.3.2)
    activerecord-import (1.1.0)
      activerecord (>= 3.2)
    activestorage (6.1.3.2)
      actionpack (= 6.1.3.2)
      activejob (= 6.1.3.2)
      activerecord (= 6.1.3.2)
      activesupport (= 6.1.3.2)
      marcel (~> 1.0.0)
      mini_mime (~> 1.0.2)
    activesupport (6.1.3.2)
      concurrent-ruby (~> 1.0, >= 1.0.2)
      i18n (>= 1.6, < 2)
      minitest (>= 5.1)
      tzinfo (~> 2.0)
      zeitwerk (~> 2.3)
    addressable (2.7.0)
      public_suffix (>= 2.0.2, < 5.0)
    archive-zip (0.12.0)
      io-like (~> 0.3.0)
    ast (2.4.2)
    backports (3.21.0)
    better_errors (2.9.1)
      coderay (>= 1.0.0)
      erubi (>= 1.0.0)
      rack (>= 0.9.0)
    binding_of_caller (1.0.0)
      debug_inspector (>= 0.0.1)
    bootstrap4-kaminari-views (1.0.1)
      kaminari (>= 0.13)
      rails (>= 3.1)
    builder (3.2.4)
    byebug (11.1.3)
    capybara (2.18.0)
      addressable
      mini_mime (>= 0.1.3)
      nokogiri (>= 1.3.3)
      rack (>= 1.0.0)
      rack-test (>= 0.5.4)
      xpath (>= 2.0, < 4.0)
    capybara-puma (1.0.1)
      capybara
      puma
    carrierwave (2.2.1)
      activemodel (>= 5.0.0)
      activesupport (>= 5.0.0)
      addressable (~> 2.6)
      image_processing (~> 1.1)
      marcel (~> 1.0.0)
      mini_mime (>= 0.1.3)
      ssrf_filter (~> 1.0)
    childprocess (0.9.0)
      ffi (~> 1.0, >= 1.0.11)
    chromedriver-helper (2.1.1)
      archive-zip (~> 0.10)
      nokogiri (~> 1.8)
    codeclimate-test-reporter (1.0.7)
      simplecov
    coderay (1.1.3)
    coffee-script (2.4.1)
      coffee-script-source
      execjs
    coffee-script-source (1.12.2)
    colorize (0.8.1)
    concurrent-ruby (1.1.8)
    crass (1.0.6)
    cucumber (3.2.0)
      builder (>= 2.1.2)
      cucumber-core (~> 3.2.0)
      cucumber-expressions (~> 6.0.1)
      cucumber-wire (~> 0.0.1)
      diff-lcs (~> 1.3)
      gherkin (~> 5.1.0)
      multi_json (>= 1.7.5, < 2.0)
      multi_test (>= 0.1.2)
    cucumber-core (3.2.1)
      backports (>= 3.8.0)
      cucumber-tag_expressions (~> 1.1.0)
      gherkin (~> 5.0)
    cucumber-expressions (6.0.1)
    cucumber-rails (2.3.0)
      capybara (>= 2.18, < 4)
      cucumber (>= 3.0.2, < 6)
      mime-types (~> 3.2)
      nokogiri (~> 1.8)
      railties (>= 5.0, < 7)
    cucumber-tag_expressions (1.1.1)
    cucumber-wire (0.0.1)
    cypress-on-rails (1.10.1)
      rack
    daemons (1.4.0)
    database_cleaner (1.99.0)
    debug_inspector (1.1.0)
    delayed_job (4.1.9)
      activesupport (>= 3.0, < 6.2)
    delayed_job_active_record (4.1.6)
      activerecord (>= 3.0, < 6.2)
      delayed_job (>= 3.0, < 5)
    delayed_job_web (1.4.4)
      activerecord (> 3.0.0)
      delayed_job (> 2.0.3)
      rack-protection (>= 1.5.5)
      sinatra (>= 1.4.4)
    diff-lcs (1.4.4)
    docile (1.4.0)
    email_spec (2.2.0)
      htmlentities (~> 4.3.3)
      launchy (~> 2.1)
      mail (~> 2.7)
    erubi (1.10.0)
    erubis (2.7.0)
    eventmachine (1.2.7)
    excon (0.81.0)
    execjs (2.8.1)
    ffi (1.15.0)
    fog-aws (3.10.0)
      fog-core (~> 2.1)
      fog-json (~> 1.1)
      fog-xml (~> 0.1)
      ipaddress (~> 0.8)
    fog-core (2.2.4)
      builder
      excon (~> 0.71)
      formatador (~> 0.2)
      mime-types
    fog-json (1.2.0)
      fog-core
      multi_json (~> 1.10)
    fog-xml (0.1.3)
      fog-core
      nokogiri (>= 1.5.11, < 2.0.0)
    formatador (0.2.5)
    gherkin (5.1.0)
    globalid (0.4.2)
      activesupport (>= 4.2.0)
    haml (5.2.1)
      temple (>= 0.8.0)
      tilt
    highline (2.0.3)
    html2haml (2.2.0)
      erubis (~> 2.7.0)
      haml (>= 4.0, < 6)
      nokogiri (>= 1.6.0)
      ruby_parser (~> 3.5)
    htmlentities (4.3.4)
    i18n (1.8.10)
      concurrent-ruby (~> 1.0)
    i18n-tasks (0.9.34)
      activesupport (>= 4.0.2)
      ast (>= 2.1.0)
      erubi
      highline (>= 2.0.0)
      i18n
      parser (>= 2.2.3.0)
      rails-i18n
      rainbow (>= 2.2.2, < 4.0)
      terminal-table (>= 1.5.1)
    image_processing (1.12.1)
      mini_magick (>= 4.9.5, < 5)
      ruby-vips (>= 2.0.17, < 3)
    interception (0.5)
    io-like (0.3.1)
    ipaddress (0.8.3)
    json (2.5.1)
    jwt (2.2.3)
    kaminari (1.2.1)
      activesupport (>= 4.1.0)
      kaminari-actionview (= 1.2.1)
      kaminari-activerecord (= 1.2.1)
      kaminari-core (= 1.2.1)
    kaminari-actionview (1.2.1)
      actionview
      kaminari-core (= 1.2.1)
    kaminari-activerecord (1.2.1)
      activerecord
      kaminari-core (= 1.2.1)
    kaminari-core (1.2.1)
    kramdown (2.3.1)
      rexml
    launchy (2.5.0)
      addressable (~> 2.7)
    listen (3.0.6)
      rb-fsevent (>= 0.9.3)
      rb-inotify (>= 0.9.7)
    loofah (2.9.1)
      crass (~> 1.0.2)
      nokogiri (>= 1.5.9)
    mail (2.7.1)
      mini_mime (>= 0.1.1)
    marcel (1.0.1)
    method_source (1.0.0)
    mime-types (3.3.1)
      mime-types-data (~> 3.2015)
    mime-types-data (3.2021.0225)
    mini_magick (4.11.0)
    mini_mime (1.0.3)
    mini_portile2 (2.5.1)
    minitest (5.14.4)
    multi_json (1.15.0)
    multi_test (0.1.2)
    mustermann (1.1.1)
      ruby2_keywords (~> 0.0.1)
    mysql2 (0.5.3)
    nio4r (2.5.7)
    nokogiri (1.11.5)
      mini_portile2 (~> 2.5.0)
      racc (~> 1.4)
    nokogumbo (2.0.5)
      nokogiri (~> 1.8, >= 1.8.4)
    parallel (1.20.1)
    parser (3.0.1.1)
      ast (~> 2.4.1)
    pry (0.13.1)
      coderay (~> 1.1)
      method_source (~> 1.0)
    pry-byebug (3.9.0)
      byebug (~> 11.0)
      pry (~> 0.13.0)
    pry-rails (0.3.9)
      pry (>= 0.10.4)
    pry-rescue (1.5.2)
      interception (>= 0.5)
      pry (>= 0.12.0)
    pry-stack_explorer (0.6.1)
      binding_of_caller (~> 1.0)
      pry (~> 0.13)
    public_suffix (4.0.6)
    puma (5.3.2)
      nio4r (~> 2.0)
    racc (1.5.2)
    rack (2.2.3)
    rack-protection (2.1.0)
      rack
    rack-test (1.1.0)
      rack (>= 1.0, < 3)
    rails (6.1.3.2)
      actioncable (= 6.1.3.2)
      actionmailbox (= 6.1.3.2)
      actionmailer (= 6.1.3.2)
      actionpack (= 6.1.3.2)
      actiontext (= 6.1.3.2)
      actionview (= 6.1.3.2)
      activejob (= 6.1.3.2)
      activemodel (= 6.1.3.2)
      activerecord (= 6.1.3.2)
      activestorage (= 6.1.3.2)
      activesupport (= 6.1.3.2)
      bundler (>= 1.15.0)
      railties (= 6.1.3.2)
      sprockets-rails (>= 2.0.0)
    rails-controller-testing (1.0.5)
      actionpack (>= 5.0.1.rc1)
      actionview (>= 5.0.1.rc1)
      activesupport (>= 5.0.1.rc1)
    rails-dom-testing (2.0.3)
      activesupport (>= 4.2.0)
      nokogiri (>= 1.6)
    rails-html-sanitizer (1.3.0)
      loofah (~> 2.3)
    rails-i18n (6.0.0)
      i18n (>= 0.7, < 2)
      railties (>= 6.0.0, < 7)
    railties (6.1.3.2)
      actionpack (= 6.1.3.2)
      activesupport (= 6.1.3.2)
      method_source
      rake (>= 0.8.7)
      thor (~> 1.0)
    rainbow (3.0.0)
    rake (13.0.3)
    rb-fsevent (0.11.0)
    rb-inotify (0.10.1)
      ffi (~> 1.0)
    recaptcha (4.13.2)
      json
    regexp_parser (2.1.1)
    rexml (3.2.5)
    rr (3.0.0)
    rspec (3.10.0)
      rspec-core (~> 3.10.0)
      rspec-expectations (~> 3.10.0)
      rspec-mocks (~> 3.10.0)
    rspec-core (3.10.1)
      rspec-support (~> 3.10.0)
    rspec-expectations (3.10.1)
      diff-lcs (>= 1.2.0, < 2.0)
      rspec-support (~> 3.10.0)
    rspec-html-matchers (0.9.1)
      nokogiri (~> 1)
      rspec (>= 3.0.0.a, < 4)
    rspec-mocks (3.10.2)
      diff-lcs (>= 1.2.0, < 2.0)
      rspec-support (~> 3.10.0)
    rspec-rails (5.0.1)
      actionpack (>= 5.2)
      activesupport (>= 5.2)
      railties (>= 5.2)
      rspec-core (~> 3.10)
      rspec-expectations (~> 3.10)
      rspec-mocks (~> 3.10)
      rspec-support (~> 3.10)
    rspec-support (3.10.2)
    rubocop (1.15.0)
      parallel (~> 1.10)
      parser (>= 3.0.0.0)
      rainbow (>= 2.2.2, < 4.0)
      regexp_parser (>= 1.8, < 3.0)
      rexml
      rubocop-ast (>= 1.5.0, < 2.0)
      ruby-progressbar (~> 1.7)
      unicode-display_width (>= 1.4.0, < 3.0)
    rubocop-ast (1.5.0)
      parser (>= 3.0.1.1)
    rubocop-rspec (2.3.0)
      rubocop (~> 1.0)
      rubocop-ast (>= 1.1.0)
    ruby-prof (1.4.3)
    ruby-progressbar (1.11.0)
    ruby-vips (2.1.2)
      ffi (~> 1.12)
    ruby2_keywords (0.0.4)
    ruby_parser (3.16.0)
      sexp_processor (~> 4.15, >= 4.15.1)
    rubyzip (1.3.0)
    sassc (2.4.0)
      ffi (~> 1.9)
    selenium-webdriver (3.141.0)
      childprocess (~> 0.5)
      rubyzip (~> 1.2, >= 1.2.2)
    sexp_processor (4.15.3)
    simplecov (0.17.1)
      docile (~> 1.1)
      json (>= 1.8, < 3)
      simplecov-html (~> 0.10.0)
    simplecov-html (0.10.2)
    sinatra (2.1.0)
      mustermann (~> 1.0)
      rack (~> 2.2)
      rack-protection (= 2.1.0)
      tilt (~> 2.0)
    spork (0.9.2)
    spring (2.1.1)
    spring-commands-cucumber (1.0.1)
      spring (>= 0.9.1)
    spring-commands-rspec (1.0.4)
      spring (>= 0.9.1)
    sprockets (3.7.2)
      concurrent-ruby (~> 1.0)
      rack (> 1, < 3)
    sprockets-rails (3.2.2)
      actionpack (>= 4.0)
      activesupport (>= 4.0)
      sprockets (>= 3.0.0)
    ssrf_filter (1.0.7)
    staccato (0.5.3)
    temple (0.8.2)
    terminal-table (3.0.1)
      unicode-display_width (>= 1.1.1, < 3)
    thin (1.8.1)
      daemons (~> 1.0, >= 1.0.9)
      eventmachine (~> 1.0, >= 1.0.4)
      rack (>= 1, < 3)
    thor (1.1.0)
    tilt (2.0.10)
    timecop (0.9.4)
    tzinfo (2.0.4)
      concurrent-ruby (~> 1.0)
    uglifier (4.2.0)
      execjs (>= 0.3.0, < 3)
    unicode-display_width (2.0.0)
    websocket-driver (0.7.3)
      websocket-extensions (>= 0.1.0)
    websocket-extensions (0.1.5)
    xpath (3.2.0)
      nokogiri (~> 1.8)
    yard (0.9.26)
    zeitwerk (2.4.2)

PLATFORMS
  ruby

DEPENDENCIES
  card-mod-defaults
  card-mod-delayed_job
  card-mod-monkey
  card-mod-platypus
  decko!
  decko-cucumber
  decko-cypress
  decko-profile
  decko-rspec
  decko-spring
  mysql2
  thin

BUNDLED WITH
   2.1.4
