PATH
  remote: .
  specs:
    card (1.104.0)
      actionmailbox (~> 6.1.4)
      actionmailer (~> 6.1.4)
      actionview (~> 6.1.4)
      activejob (~> 6.1.4)
      activerecord (~> 6.1.4)
      activerecord-import (~> 1.1)
      activestorage (~> 6.1.4)
      bootstrap4-kaminari-views (~> 1.0)
      cardname (= 0.14.0)
      coderay (~> 1.1)
      coffee-script (~> 2.4)
      colorize (~> 0.8)
      diff-lcs (~> 1.4)
      haml (~> 5.2)
      jwt (~> 2.2)
      kaminari (~> 1.2)
      railties (~> 6.1.4)
      rake (~> 13.0)
      sassc (~> 2.4)
      sprockets (~> 3.7)
      sprockets-rails (~> 3.2)
      uglifier (~> 4.2)
      zeitwerk (!= 2.5.0)
    cardname (0.14.0)
      activesupport (~> 6.1)
      htmlentities (~> 4.3)
    decko (0.14.0)
      actionpack (~> 6.1.4)
      card (= 1.104.0)
      card-mod-defaults (= 0.14.0)

PATH
  remote: mod
  specs:
    card-mod-account (0.14.0)
      card (= 1.104.0)
      card-mod-email (= 0.14.0)
      card-mod-list (= 0.14.0)
      card-mod-permissions (= 0.14.0)
    card-mod-ace_editor (0.14.0)
      card (= 1.104.0)
      card-mod-edit (= 0.14.0)
      card-mod-script (= 0.14.0)
    card-mod-api_key (0.14.0)
      card (= 1.104.0)
      card-mod-account (= 0.14.0)
    card-mod-assets (0.14.0)
      card (= 1.104.0)
      card-mod-content (= 0.14.0)
      card-mod-machines (= 0.14.0)
    card-mod-bar_and_box (0.14.0)
      card (= 1.104.0)
      card-mod-style (= 0.14.0)
    card-mod-bootstrap (0.14.0)
      card (= 1.104.0)
      card-mod-assets (= 0.14.0)
      card-mod-bar_and_box (= 0.14.0)
      card-mod-edit (= 0.14.0)
      card-mod-script (= 0.14.0)
      card-mod-style (= 0.14.0)
    card-mod-carrierwave (0.14.0)
      card (= 1.104.0)
      card-mod-history (= 0.14.0)
      card-mod-permissions (= 0.14.0)
      carrierwave (~> 2.2)
      mini_magick (~> 4.2)
    card-mod-collection (0.14.0)
      card (= 1.104.0)
    card-mod-comment (0.14.0)
      card (= 1.104.0)
      card-mod-permissions (= 0.14.0)
    card-mod-content (0.14.0)
      card (= 1.104.0)
    card-mod-date (0.14.0)
      card (= 1.104.0)
    card-mod-defaults (0.14.0)
      card (= 1.104.0)
      card-mod-account (= 0.14.0)
      card-mod-ace_editor (= 0.14.0)
      card-mod-api_key (= 0.14.0)
      card-mod-bar_and_box (= 0.14.0)
      card-mod-bootstrap (= 0.14.0)
      card-mod-carrierwave (= 0.14.0)
      card-mod-comment (= 0.14.0)
      card-mod-date (= 0.14.0)
      card-mod-delayed_job (= 0.14.0)
      card-mod-follow (= 0.14.0)
      card-mod-help (= 0.14.0)
      card-mod-history (= 0.14.0)
      card-mod-integrate (= 0.14.0)
      card-mod-layout (= 0.14.0)
      card-mod-list (= 0.14.0)
      card-mod-machines (= 0.14.0)
      card-mod-markdown (= 0.14.0)
      card-mod-permissions (= 0.14.0)
      card-mod-recaptcha (= 0.14.0)
      card-mod-rules (= 0.14.0)
      card-mod-search (= 0.14.0)
      card-mod-tabs (= 0.14.0)
      card-mod-tinymce_editor (= 0.14.0)
    card-mod-delayed_job (0.14.0)
      card (= 1.104.0)
      daemons (~> 1.4)
      delayed_job_active_record (~> 4.1)
      delayed_job_web (~> 1.4)
    card-mod-edit (0.14.0)
      card (= 1.104.0)
    card-mod-email (0.14.0)
      card (= 1.104.0)
    card-mod-follow (0.14.0)
      card (= 1.104.0)
      card-mod-carrierwave (= 0.14.0)
    card-mod-format (0.14.0)
      card (= 1.104.0)
      card-mod-content (= 0.14.0)
    card-mod-help (0.14.0)
      card (= 1.104.0)
    card-mod-history (0.14.0)
      card (= 1.104.0)
    card-mod-integrate (0.14.0)
      card (= 1.104.0)
    card-mod-layout (0.14.0)
      card (= 1.104.0)
      card-mod-account (= 0.14.0)
      card-mod-session (= 0.14.0)
    card-mod-list (0.14.0)
      card (= 1.104.0)
      card-mod-collection (= 0.14.0)
      card-mod-format (= 0.14.0)
    card-mod-machines (0.14.0)
      card (= 1.104.0)
      card-mod-carrierwave (= 0.14.0)
      card-mod-format (= 0.14.0)
      card-mod-list (= 0.14.0)
      card-mod-virtual (= 0.14.0)
      execjs (~> 2.7, != 2.8.0)
    card-mod-markdown (0.14.0)
      card (= 1.104.0)
      card-mod-ace_editor (= 0.14.0)
      kramdown (~> 2.3)
    card-mod-monkey (0.14.0)
      better_errors (~> 2.9)
      card (= 1.104.0)
      html2haml (~> 2.2)
      pry-byebug (~> 3.9)
      pry-rails (~> 0.3)
      pry-rescue (~> 1.5)
      pry-stack_explorer (~> 0.6)
      rubocop (~> 1.17)
    card-mod-permissions (0.14.0)
      card (= 1.104.0)
    card-mod-platypus (0.14.0)
      card (= 1.104.0)
      fog-aws (~> 3.10)
      yard (~> 0.9)
    card-mod-recaptcha (0.14.0)
      card (= 1.104.0)
      recaptcha (~> 4.13.1)
    card-mod-rules (0.14.0)
      card (= 1.104.0)
      card-mod-format (= 0.14.0)
      card-mod-search (= 0.14.0)
    card-mod-script (0.14.0)
      card (= 1.104.0)
      card-mod-assets (= 0.14.0)
      card-mod-list (= 0.14.0)
      card-mod-machines (= 0.14.0)
    card-mod-search (0.14.0)
      card (= 1.104.0)
      card-mod-collection (= 0.14.0)
    card-mod-session (0.14.0)
      card (= 1.104.0)
      card-mod-list (= 0.14.0)
    card-mod-style (0.14.0)
      card (= 1.104.0)
      card-mod-list (= 0.14.0)
      card-mod-machines (= 0.14.0)
    card-mod-tabs (0.14.0)
      card (= 1.104.0)
      card-mod-bootstrap (= 0.14.0)
    card-mod-tinymce_editor (0.14.0)
      card (= 1.104.0)
      card-mod-edit (= 0.14.0)
    card-mod-virtual (0.14.0)
      card (= 1.104.0)

PATH
  remote: support
  specs:
    decko-cucumber (0.14.0)
      capybara-puma (~> 1.0)
      cucumber-create-meta (!= 6.0.3)
      cucumber-rails (~> 2.3)
      database_cleaner (~> 2.0)
      email_spec (~> 2.2)
      launchy (~> 2.5)
      rspec (~> 3.10)
      rspec-html-matchers (~> 0.9)
      simplecov (~> 0.21)
      webdrivers (~> 4.6)
    decko-cypress (0.14.0)
      cypress-on-rails (~> 1.4)
    decko-profile (0.14.0)
      ruby-prof (~> 1.4)
    decko-rspec (0.14.0)
      capybara (> 2)
      i18n-tasks (~> 0.9)
      minitest (~> 5.14)
      nokogumbo (~> 2.0)
      rails-controller-testing (~> 1.0)
      rr (~> 3.0)
      rspec (~> 3.10)
      rspec-html-matchers (~> 0.9)
      rspec-rails (~> 5.0)
      rubocop-rspec (~> 2.4)
      simplecov (~> 0.21)
      spork (~> 0.9)
      timecop (~> 0.9)
    decko-spring (0.14.0)
      listen (~> 3.5)
      spring (~> 2.1)
      spring-commands-cucumber (~> 1.0)
      spring-commands-rspec (~> 1.0)

GEM
  remote: http://rubygems.org/
  specs:
    actioncable (6.1.4.1)
      actionpack (= 6.1.4.1)
      activesupport (= 6.1.4.1)
      nio4r (~> 2.0)
      websocket-driver (>= 0.6.1)
    actionmailbox (6.1.4.1)
      actionpack (= 6.1.4.1)
      activejob (= 6.1.4.1)
      activerecord (= 6.1.4.1)
      activestorage (= 6.1.4.1)
      activesupport (= 6.1.4.1)
      mail (>= 2.7.1)
    actionmailer (6.1.4.1)
      actionpack (= 6.1.4.1)
      actionview (= 6.1.4.1)
      activejob (= 6.1.4.1)
      activesupport (= 6.1.4.1)
      mail (~> 2.5, >= 2.5.4)
      rails-dom-testing (~> 2.0)
    actionpack (6.1.4.1)
      actionview (= 6.1.4.1)
      activesupport (= 6.1.4.1)
      rack (~> 2.0, >= 2.0.9)
      rack-test (>= 0.6.3)
      rails-dom-testing (~> 2.0)
      rails-html-sanitizer (~> 1.0, >= 1.2.0)
    actiontext (6.1.4.1)
      actionpack (= 6.1.4.1)
      activerecord (= 6.1.4.1)
      activestorage (= 6.1.4.1)
      activesupport (= 6.1.4.1)
      nokogiri (>= 1.8.5)
    actionview (6.1.4.1)
      activesupport (= 6.1.4.1)
      builder (~> 3.1)
      erubi (~> 1.4)
      rails-dom-testing (~> 2.0)
      rails-html-sanitizer (~> 1.1, >= 1.2.0)
    activejob (6.1.4.1)
      activesupport (= 6.1.4.1)
      globalid (>= 0.3.6)
    activemodel (6.1.4.1)
      activesupport (= 6.1.4.1)
    activerecord (6.1.4.1)
      activemodel (= 6.1.4.1)
      activesupport (= 6.1.4.1)
    activerecord-import (1.2.0)
      activerecord (>= 3.2)
    activestorage (6.1.4.1)
      actionpack (= 6.1.4.1)
      activejob (= 6.1.4.1)
      activerecord (= 6.1.4.1)
      activesupport (= 6.1.4.1)
      marcel (~> 1.0.0)
      mini_mime (>= 1.1.0)
    activesupport (6.1.4.1)
      concurrent-ruby (~> 1.0, >= 1.0.2)
      i18n (>= 1.6, < 2)
      minitest (>= 5.1)
      tzinfo (~> 2.0)
      zeitwerk (~> 2.3)
    addressable (2.8.0)
      public_suffix (>= 2.0.2, < 5.0)
    ast (2.4.2)
    better_errors (2.9.1)
      coderay (>= 1.0.0)
      erubi (>= 1.0.0)
      rack (>= 0.9.0)
    binding_of_caller (1.0.0)
      debug_inspector (>= 0.0.1)
    bootstrap4-kaminari-views (1.0.1)
      kaminari (>= 0.13)
      rails (>= 3.1)
    builder (3.2.4)
    byebug (11.1.3)
    capybara (3.36.0)
      addressable
      matrix
      mini_mime (>= 0.1.3)
      nokogiri (~> 1.8)
      rack (>= 1.6.0)
      rack-test (>= 0.6.3)
      regexp_parser (>= 1.5, < 3.0)
      xpath (~> 3.2)
    capybara-puma (1.0.1)
      capybara
      puma
    carrierwave (2.2.2)
      activemodel (>= 5.0.0)
      activesupport (>= 5.0.0)
      addressable (~> 2.6)
      image_processing (~> 1.1)
      marcel (~> 1.0.0)
      mini_mime (>= 0.1.3)
      ssrf_filter (~> 1.0)
    childprocess (4.1.0)
    coderay (1.1.3)
    coffee-script (2.4.1)
      coffee-script-source
      execjs
    coffee-script-source (1.12.2)
    colorize (0.8.1)
    concurrent-ruby (1.1.9)
    crass (1.0.6)
    cucumber (7.1.0)
      builder (~> 3.2, >= 3.2.4)
      cucumber-core (~> 10.1, >= 10.1.0)
      cucumber-create-meta (~> 6.0, >= 6.0.1)
      cucumber-cucumber-expressions (~> 14.0, >= 14.0.0)
      cucumber-gherkin (~> 22.0, >= 22.0.0)
      cucumber-html-formatter (~> 17.0, >= 17.0.0)
      cucumber-messages (~> 17.1, >= 17.1.1)
      cucumber-wire (~> 6.2, >= 6.2.0)
      diff-lcs (~> 1.4, >= 1.4.4)
      mime-types (~> 3.3, >= 3.3.1)
      multi_test (~> 0.1, >= 0.1.2)
      sys-uname (~> 1.2, >= 1.2.2)
    cucumber-core (10.1.0)
      cucumber-gherkin (~> 22.0, >= 22.0.0)
      cucumber-messages (~> 17.1, >= 17.1.1)
      cucumber-tag-expressions (~> 4.0, >= 4.0.2)
    cucumber-create-meta (6.0.4)
      cucumber-messages (~> 17.1, >= 17.1.1)
      sys-uname (~> 1.2, >= 1.2.2)
    cucumber-cucumber-expressions (14.0.0)
    cucumber-gherkin (22.0.0)
      cucumber-messages (~> 17.1, >= 17.1.1)
    cucumber-html-formatter (17.0.0)
      cucumber-messages (~> 17.1, >= 17.1.0)
    cucumber-messages (17.1.1)
    cucumber-rails (2.4.0)
      capybara (>= 2.18, < 4)
      cucumber (>= 3.2, < 8)
      mime-types (~> 3.3)
      nokogiri (~> 1.10)
      railties (>= 5.0, < 7)
      rexml (~> 3.0)
      webrick (~> 1.7)
    cucumber-tag-expressions (4.1.0)
    cucumber-wire (6.2.0)
      cucumber-core (~> 10.1, >= 10.1.0)
      cucumber-cucumber-expressions (~> 14.0, >= 14.0.0)
      cucumber-messages (~> 17.1, >= 17.1.1)
    cypress-on-rails (1.11.0)
      rack
    daemons (1.4.1)
    database_cleaner (2.0.1)
      database_cleaner-active_record (~> 2.0.0)
    database_cleaner-active_record (2.0.1)
      activerecord (>= 5.a)
      database_cleaner-core (~> 2.0.0)
    database_cleaner-core (2.0.1)
    debug_inspector (1.1.0)
    delayed_job (4.1.9)
      activesupport (>= 3.0, < 6.2)
    delayed_job_active_record (4.1.6)
      activerecord (>= 3.0, < 6.2)
      delayed_job (>= 3.0, < 5)
    delayed_job_web (1.4.4)
      activerecord (> 3.0.0)
      delayed_job (> 2.0.3)
      rack-protection (>= 1.5.5)
      sinatra (>= 1.4.4)
    diff-lcs (1.4.4)
    docile (1.4.0)
    email_spec (2.2.0)
      htmlentities (~> 4.3.3)
      launchy (~> 2.1)
      mail (~> 2.7)
    erubi (1.10.0)
    erubis (2.7.0)
    eventmachine (1.2.7)
    excon (0.88.0)
    execjs (2.8.1)
    ffi (1.15.4)
    fog-aws (3.12.0)
      fog-core (~> 2.1)
      fog-json (~> 1.1)
      fog-xml (~> 0.1)
      ipaddress (~> 0.8)
    fog-core (2.2.4)
      builder
      excon (~> 0.71)
      formatador (~> 0.2)
      mime-types
    fog-json (1.2.0)
      fog-core
      multi_json (~> 1.10)
    fog-xml (0.1.4)
      fog-core
      nokogiri (>= 1.5.11, < 2.0.0)
    formatador (0.3.0)
    globalid (1.0.0)
      activesupport (>= 5.0)
    haml (5.2.2)
      temple (>= 0.8.0)
      tilt
    highline (2.0.3)
    html2haml (2.2.0)
      erubis (~> 2.7.0)
      haml (>= 4.0, < 6)
      nokogiri (>= 1.6.0)
      ruby_parser (~> 3.5)
    htmlentities (4.3.4)
    i18n (1.8.11)
      concurrent-ruby (~> 1.0)
    i18n-tasks (0.9.35)
      activesupport (>= 4.0.2)
      ast (>= 2.1.0)
      erubi
      highline (>= 2.0.0)
      i18n
      parser (>= 2.2.3.0)
      rails-i18n
      rainbow (>= 2.2.2, < 4.0)
      terminal-table (>= 1.5.1)
    image_processing (1.12.1)
      mini_magick (>= 4.9.5, < 5)
      ruby-vips (>= 2.0.17, < 3)
    interception (0.5)
    ipaddress (0.8.3)
    json (2.6.1)
    jwt (2.3.0)
    kaminari (1.2.1)
      activesupport (>= 4.1.0)
      kaminari-actionview (= 1.2.1)
      kaminari-activerecord (= 1.2.1)
      kaminari-core (= 1.2.1)
    kaminari-actionview (1.2.1)
      actionview
      kaminari-core (= 1.2.1)
    kaminari-activerecord (1.2.1)
      activerecord
      kaminari-core (= 1.2.1)
    kaminari-core (1.2.1)
    kramdown (2.3.1)
      rexml
    launchy (2.5.0)
      addressable (~> 2.7)
    listen (3.7.0)
      rb-fsevent (~> 0.10, >= 0.10.3)
      rb-inotify (~> 0.9, >= 0.9.10)
    loofah (2.12.0)
      crass (~> 1.0.2)
      nokogiri (>= 1.5.9)
    mail (2.7.1)
      mini_mime (>= 0.1.1)
    marcel (1.0.2)
    matrix (0.4.2)
    method_source (1.0.0)
    mime-types (3.4.1)
      mime-types-data (~> 3.2015)
    mime-types-data (3.2021.1115)
    mini_magick (4.11.0)
    mini_mime (1.1.2)
    minitest (5.14.4)
    multi_json (1.15.0)
    multi_test (0.1.2)
    mustermann (1.1.1)
      ruby2_keywords (~> 0.0.1)
    mysql2 (0.5.3)
    nio4r (2.5.8)
    nokogiri (1.12.5-x86_64-darwin)
      racc (~> 1.4)
    nokogiri (1.12.5-x86_64-linux)
      racc (~> 1.4)
    nokogumbo (2.0.5)
      nokogiri (~> 1.8, >= 1.8.4)
    parallel (1.21.0)
    parser (3.0.3.0)
      ast (~> 2.4.1)
    pry (0.13.1)
      coderay (~> 1.1)
      method_source (~> 1.0)
    pry-byebug (3.9.0)
      byebug (~> 11.0)
      pry (~> 0.13.0)
    pry-rails (0.3.9)
      pry (>= 0.10.4)
    pry-rescue (1.5.2)
      interception (>= 0.5)
      pry (>= 0.12.0)
    pry-stack_explorer (0.6.1)
      binding_of_caller (~> 1.0)
      pry (~> 0.13)
    public_suffix (4.0.6)
    puma (5.5.2)
      nio4r (~> 2.0)
    racc (1.6.0)
    rack (2.2.3)
    rack-protection (2.1.0)
      rack
    rack-test (1.1.0)
      rack (>= 1.0, < 3)
    rails (6.1.4.1)
      actioncable (= 6.1.4.1)
      actionmailbox (= 6.1.4.1)
      actionmailer (= 6.1.4.1)
      actionpack (= 6.1.4.1)
      actiontext (= 6.1.4.1)
      actionview (= 6.1.4.1)
      activejob (= 6.1.4.1)
      activemodel (= 6.1.4.1)
      activerecord (= 6.1.4.1)
      activestorage (= 6.1.4.1)
      activesupport (= 6.1.4.1)
      bundler (>= 1.15.0)
      railties (= 6.1.4.1)
      sprockets-rails (>= 2.0.0)
    rails-controller-testing (1.0.5)
      actionpack (>= 5.0.1.rc1)
      actionview (>= 5.0.1.rc1)
      activesupport (>= 5.0.1.rc1)
    rails-dom-testing (2.0.3)
      activesupport (>= 4.2.0)
      nokogiri (>= 1.6)
    rails-html-sanitizer (1.4.2)
      loofah (~> 2.3)
    rails-i18n (6.0.0)
      i18n (>= 0.7, < 2)
      railties (>= 6.0.0, < 7)
    railties (6.1.4.1)
      actionpack (= 6.1.4.1)
      activesupport (= 6.1.4.1)
      method_source
      rake (>= 0.13)
      thor (~> 1.0)
    rainbow (3.0.0)
    rake (13.0.6)
    rb-fsevent (0.11.0)
    rb-inotify (0.10.1)
      ffi (~> 1.0)
    recaptcha (4.13.2)
      json
    regexp_parser (2.1.1)
    rexml (3.2.5)
    rr (3.0.8)
    rspec (3.10.0)
      rspec-core (~> 3.10.0)
      rspec-expectations (~> 3.10.0)
      rspec-mocks (~> 3.10.0)
    rspec-core (3.10.1)
      rspec-support (~> 3.10.0)
    rspec-expectations (3.10.1)
      diff-lcs (>= 1.2.0, < 2.0)
      rspec-support (~> 3.10.0)
    rspec-html-matchers (0.9.4)
      nokogiri (~> 1)
      rspec (>= 3.0.0.a, < 4)
    rspec-mocks (3.10.2)
      diff-lcs (>= 1.2.0, < 2.0)
      rspec-support (~> 3.10.0)
    rspec-rails (5.0.2)
      actionpack (>= 5.2)
      activesupport (>= 5.2)
      railties (>= 5.2)
      rspec-core (~> 3.10)
      rspec-expectations (~> 3.10)
      rspec-mocks (~> 3.10)
      rspec-support (~> 3.10)
    rspec-support (3.10.3)
    rubocop (1.23.0)
      parallel (~> 1.10)
      parser (>= 3.0.0.0)
      rainbow (>= 2.2.2, < 4.0)
      regexp_parser (>= 1.8, < 3.0)
      rexml
      rubocop-ast (>= 1.12.0, < 2.0)
      ruby-progressbar (~> 1.7)
      unicode-display_width (>= 1.4.0, < 3.0)
    rubocop-ast (1.13.0)
      parser (>= 3.0.1.1)
    rubocop-rspec (2.6.0)
      rubocop (~> 1.19)
    ruby-prof (1.4.3)
    ruby-progressbar (1.11.0)
    ruby-vips (2.1.4)
      ffi (~> 1.12)
    ruby2_keywords (0.0.5)
    ruby_parser (3.18.1)
      sexp_processor (~> 4.16)
    rubyzip (2.3.2)
    sassc (2.4.0)
      ffi (~> 1.9)
    selenium-webdriver (4.1.0)
      childprocess (>= 0.5, < 5.0)
      rexml (~> 3.2, >= 3.2.5)
      rubyzip (>= 1.2.2)
    sexp_processor (4.16.0)
    simplecov (0.21.2)
      docile (~> 1.1)
      simplecov-html (~> 0.11)
      simplecov_json_formatter (~> 0.1)
    simplecov-html (0.12.3)
    simplecov_json_formatter (0.1.3)
    sinatra (2.1.0)
      mustermann (~> 1.0)
      rack (~> 2.2)
      rack-protection (= 2.1.0)
      tilt (~> 2.0)
    spork (0.9.2)
    spring (2.1.1)
    spring-commands-cucumber (1.0.1)
      spring (>= 0.9.1)
    spring-commands-rspec (1.0.4)
      spring (>= 0.9.1)
    sprockets (3.7.2)
      concurrent-ruby (~> 1.0)
      rack (> 1, < 3)
    sprockets-rails (3.4.1)
      actionpack (>= 5.2)
      activesupport (>= 5.2)
      sprockets (>= 3.0.0)
    ssrf_filter (1.0.7)
    sys-uname (1.2.2)
      ffi (~> 1.1)
    temple (0.8.2)
    terminal-table (3.0.2)
      unicode-display_width (>= 1.1.1, < 3)
    thin (1.8.1)
      daemons (~> 1.0, >= 1.0.9)
      eventmachine (~> 1.0, >= 1.0.4)
      rack (>= 1, < 3)
    thor (1.1.0)
    tilt (2.0.10)
    timecop (0.9.4)
    tzinfo (2.0.4)
      concurrent-ruby (~> 1.0)
    uglifier (4.2.0)
      execjs (>= 0.3.0, < 3)
    unicode-display_width (2.1.0)
    webdrivers (4.7.0)
      nokogiri (~> 1.6)
      rubyzip (>= 1.3.0)
      selenium-webdriver (> 3.141, < 5.0)
    webrick (1.7.0)
    websocket-driver (0.7.5)
      websocket-extensions (>= 0.1.0)
    websocket-extensions (0.1.5)
    xpath (3.2.0)
      nokogiri (~> 1.8)
    yard (0.9.26)
    zeitwerk (2.5.1)

PLATFORMS
  x86_64-darwin-20
  x86_64-linux

DEPENDENCIES
  card!
  card-mod-defaults!
  card-mod-delayed_job!
  card-mod-monkey!
  card-mod-platypus!
  decko!
  decko-cucumber!
  decko-cypress!
  decko-profile!
  decko-rspec!
  decko-spring!
  mysql2
  thin

BUNDLED WITH
   2.2.28
