PATH
  remote: .
  specs:
    card (1.109.1)
      actionmailbox (~> 7.2)
      actionmailer (~> 7.2)
      actionview (~> 7.2)
      activejob (~> 7.2)
      activerecord (~> 7.2)
      activerecord-import (~> 1.1)
      activestorage (~> 7.2)
      bootstrap4-kaminari-views (~> 1.0)
      cardname (= 0.19.1)
      coderay (~> 1.1)
      coffee-script (~> 2.4)
      colorize (~> 1.1)
      csv (~> 3.3)
      diff-lcs (~> 1.4)
      haml (~> 5.2)
      jwt (~> 2.2)
      kaminari (~> 1.2)
      railties (~> 7.2)
      rake (~> 13.0)
      sass (~> 3.7.4)
      sassc (~> 2.4)
      sprockets (~> 3.7)
      sprockets-rails (~> 3.2)
      timecop (~> 0.9)
      uglifier (~> 4.2)
      zeitwerk (~> 2.7.2)
    cardname (0.19.1)
      activesupport (~> 7.2)
      htmlentities (~> 4.3)
    decko (0.19.1)
      actionpack (~> 7.2)
      card (= 1.109.1)
      card-mod-defaults (= 0.19.1)

PATH
  remote: mod
  specs:
    card-mod-account (0.19.1)
      card (= 1.109.1)
      card-mod-edit (= 0.19.1)
      card-mod-email (= 0.19.1)
      card-mod-integrate (= 0.19.1)
      card-mod-list (= 0.19.1)
      card-mod-permissions (= 0.19.1)
    card-mod-ace_editor (0.19.1)
      card (= 1.109.1)
      card-mod-edit (= 0.19.1)
      card-mod-script (= 0.19.1)
    card-mod-api_key (0.19.1)
      card (= 1.109.1)
      card-mod-account (= 0.19.1)
    card-mod-assets (0.19.1)
      card (= 1.109.1)
      card-mod-carrierwave (= 0.19.1)
      card-mod-content (= 0.19.1)
      card-mod-format (= 0.19.1)
      card-mod-list (= 0.19.1)
      card-mod-virtual (= 0.19.1)
      execjs (~> 2.7, != 2.8.0)
    card-mod-bar_and_box (0.19.1)
      card (= 1.109.1)
      card-mod-style (= 0.19.1)
    card-mod-bootstrap (0.19.1)
      card (= 1.109.1)
      card-mod-bar_and_box (= 0.19.1)
      card-mod-edit (= 0.19.1)
      card-mod-script (= 0.19.1)
      card-mod-style (= 0.19.1)
    card-mod-carrierwave (0.19.1)
      card (= 1.109.1)
      card-mod-history (= 0.19.1)
      card-mod-permissions (= 0.19.1)
      carrierwave (~> 3.0)
      marcel (= 1.0.2)
      mini_magick (~> 4.12)
      ssrf_filter (~> 1.1)
    card-mod-collection (0.19.1)
      card (= 1.109.1)
    card-mod-comment (0.19.1)
      card (= 1.109.1)
      card-mod-permissions (= 0.19.1)
    card-mod-content (0.19.1)
      card (= 1.109.1)
    card-mod-date (0.19.1)
      card (= 1.109.1)
    card-mod-defaults (0.19.1)
      card (= 1.109.1)
      card-mod-account (= 0.19.1)
      card-mod-ace_editor (= 0.19.1)
      card-mod-api_key (= 0.19.1)
      card-mod-assets (= 0.19.1)
      card-mod-bar_and_box (= 0.19.1)
      card-mod-bootstrap (= 0.19.1)
      card-mod-carrierwave (= 0.19.1)
      card-mod-comment (= 0.19.1)
      card-mod-date (= 0.19.1)
      card-mod-delayed_job (= 0.19.1)
      card-mod-follow (= 0.19.1)
      card-mod-help (= 0.19.1)
      card-mod-history (= 0.19.1)
      card-mod-integrate (= 0.19.1)
      card-mod-layout (= 0.19.1)
      card-mod-list (= 0.19.1)
      card-mod-markdown (= 0.19.1)
      card-mod-permissions (= 0.19.1)
      card-mod-recaptcha (= 0.19.1)
      card-mod-rules (= 0.19.1)
      card-mod-search (= 0.19.1)
      card-mod-tabs (= 0.19.1)
      card-mod-tinymce_editor (= 0.19.1)
    card-mod-delayed_job (0.19.1)
      card (= 1.109.1)
      daemons (~> 1.4)
      delayed_job_active_record (~> 4.1)
      delayed_job_web (~> 1.4)
    card-mod-edit (0.19.1)
      card (= 1.109.1)
      card-mod-list (= 0.19.1)
      card-mod-rules (= 0.19.1)
    card-mod-email (0.19.1)
      card (= 1.109.1)
      card-mod-list (= 0.19.1)
      card-mod-permissions (= 0.19.1)
      card-mod-search (= 0.19.1)
    card-mod-follow (0.19.1)
      card (= 1.109.1)
      card-mod-carrierwave (= 0.19.1)
    card-mod-format (0.19.1)
      card (= 1.109.1)
      card-mod-content (= 0.19.1)
    card-mod-help (0.19.1)
      card (= 1.109.1)
      card-mod-markdown (= 0.19.1)
      card-mod-permissions (= 0.19.1)
    card-mod-history (0.19.1)
      card (= 1.109.1)
    card-mod-integrate (0.19.1)
      card (= 1.109.1)
      card-mod-rules (= 0.19.1)
    card-mod-layout (0.19.1)
      card (= 1.109.1)
      card-mod-account (= 0.19.1)
      card-mod-session (= 0.19.1)
      card-mod-tabs (= 0.19.1)
    card-mod-list (0.19.1)
      card (= 1.109.1)
      card-mod-collection (= 0.19.1)
      card-mod-format (= 0.19.1)
    card-mod-markdown (0.19.1)
      card (= 1.109.1)
      kramdown (~> 2.4)
      kramdown-syntax-coderay (~> 1.0)
    card-mod-monkey (0.19.1)
      better_errors (~> 2.9)
      break (~> 0.30)
      card (= 1.109.1)
      html2haml (~> 2.2)
      pry-rails (~> 0.3)
      pry-rescue (~> 1.5)
      pry-stack_explorer (~> 0.6)
      rubocop (~> 1.66)
    card-mod-permissions (0.19.1)
      card (= 1.109.1)
    card-mod-platypus (0.19.1)
      card (= 1.109.1)
      fog-aws (~> 3.10)
      rake-hooks (~> 1.1)
      yard (~> 0.9)
    card-mod-recaptcha (0.19.1)
      card (= 1.109.1)
      recaptcha (~> 4.13.1)
    card-mod-rules (0.19.1)
      card (= 1.109.1)
      card-mod-format (= 0.19.1)
      card-mod-search (= 0.19.1)
    card-mod-script (0.19.1)
      card (= 1.109.1)
      card-mod-assets (= 0.19.1)
      card-mod-list (= 0.19.1)
    card-mod-search (0.19.1)
      card (= 1.109.1)
      card-mod-collection (= 0.19.1)
      card-mod-format (= 0.19.1)
      card-mod-help (= 0.19.1)
    card-mod-session (0.19.1)
      card (= 1.109.1)
      card-mod-list (= 0.19.1)
    card-mod-style (0.19.1)
      card (= 1.109.1)
      card-mod-assets (= 0.19.1)
      card-mod-list (= 0.19.1)
    card-mod-tabs (0.19.1)
      card (= 1.109.1)
      card-mod-bootstrap (= 0.19.1)
    card-mod-tinymce_editor (0.19.1)
      card (= 1.109.1)
      card-mod-edit (= 0.19.1)
    card-mod-virtual (0.19.1)
      card (= 1.109.1)

PATH
  remote: support
  specs:
    decko-cucumber (0.19.1)
      capybara-puma (~> 1.0)
      cucumber-create-meta (!= 6.0.3)
      cucumber-rails (~> 2.3)
      database_cleaner (~> 2.0)
      email_spec (~> 2.2)
      launchy (~> 2.5)
      puma (!= 6.0.0)
      rspec (~> 3.10)
      rspec-html-matchers (~> 0.9)
      selenium-webdriver (= 4.9.0)
      simplecov (~> 0.21)
      webdrivers (~> 5.2)
    decko-cypress (0.19.1)
      cypress-on-rails (~> 1.4)
    decko-profile (0.19.1)
      ruby-prof (~> 1.4)
    decko-rspec (0.19.1)
      capybara (~> 3.40)
      i18n-tasks (~> 0.9)
      minitest (~> 5.14)
      rails-controller-testing (~> 1.0)
      rr (~> 3.0)
      rspec (~> 3.13)
      rspec-html-matchers (~> 0.10)
      rspec-rails (~> 7.0)
      rspec_junit_formatter (~> 0.4)
      rubocop-rspec (~> 3.0)
      simplecov (~> 0.21)
      spork (~> 0.9)
      timecop (~> 0.9)
    decko-spring (0.19.1)
      listen (~> 3.8)
      spring (~> 4)
      spring-commands-cucumber (~> 1.0)
      spring-commands-rspec (~> 1.0)

GEM
  remote: http://rubygems.org/
  specs:
    actioncable (7.2.2.2)
      actionpack (= 7.2.2.2)
      activesupport (= 7.2.2.2)
      nio4r (~> 2.0)
      websocket-driver (>= 0.6.1)
      zeitwerk (~> 2.6)
    actionmailbox (7.2.2.2)
      actionpack (= 7.2.2.2)
      activejob (= 7.2.2.2)
      activerecord (= 7.2.2.2)
      activestorage (= 7.2.2.2)
      activesupport (= 7.2.2.2)
      mail (>= 2.8.0)
    actionmailer (7.2.2.2)
      actionpack (= 7.2.2.2)
      actionview (= 7.2.2.2)
      activejob (= 7.2.2.2)
      activesupport (= 7.2.2.2)
      mail (>= 2.8.0)
      rails-dom-testing (~> 2.2)
    actionpack (7.2.2.2)
      actionview (= 7.2.2.2)
      activesupport (= 7.2.2.2)
      nokogiri (>= 1.8.5)
      racc
      rack (>= 2.2.4, < 3.2)
      rack-session (>= 1.0.1)
      rack-test (>= 0.6.3)
      rails-dom-testing (~> 2.2)
      rails-html-sanitizer (~> 1.6)
      useragent (~> 0.16)
    actiontext (7.2.2.2)
      actionpack (= 7.2.2.2)
      activerecord (= 7.2.2.2)
      activestorage (= 7.2.2.2)
      activesupport (= 7.2.2.2)
      globalid (>= 0.6.0)
      nokogiri (>= 1.8.5)
    actionview (7.2.2.2)
      activesupport (= 7.2.2.2)
      builder (~> 3.1)
      erubi (~> 1.11)
      rails-dom-testing (~> 2.2)
      rails-html-sanitizer (~> 1.6)
    activejob (7.2.2.2)
      activesupport (= 7.2.2.2)
      globalid (>= 0.3.6)
    activemodel (7.2.2.2)
      activesupport (= 7.2.2.2)
    activerecord (7.2.2.2)
      activemodel (= 7.2.2.2)
      activesupport (= 7.2.2.2)
      timeout (>= 0.4.0)
    activerecord-import (1.8.1)
      activerecord (>= 4.2)
    activestorage (7.2.2.2)
      actionpack (= 7.2.2.2)
      activejob (= 7.2.2.2)
      activerecord (= 7.2.2.2)
      activesupport (= 7.2.2.2)
      marcel (~> 1.0)
    activesupport (7.2.2.2)
      base64
      benchmark (>= 0.3)
      bigdecimal
      concurrent-ruby (~> 1.0, >= 1.3.1)
      connection_pool (>= 2.2.5)
      drb
      i18n (>= 1.6, < 2)
      logger (>= 1.4.2)
      minitest (>= 5.1)
      securerandom (>= 0.3)
      tzinfo (~> 2.0, >= 2.0.5)
    addressable (2.8.7)
      public_suffix (>= 2.0.2, < 7.0)
    ast (2.4.3)
    base64 (0.3.0)
    benchmark (0.4.1)
    better_errors (2.10.1)
      erubi (>= 1.0.0)
      rack (>= 0.9.0)
      rouge (>= 1.0.0)
    bigdecimal (3.2.2)
    binding_of_caller (1.0.1)
      debug_inspector (>= 1.2.0)
    bootstrap4-kaminari-views (1.0.1)
      kaminari (>= 0.13)
      rails (>= 3.1)
    break (0.40.0)
    builder (3.3.0)
    capybara (3.40.0)
      addressable
      matrix
      mini_mime (>= 0.1.3)
      nokogiri (~> 1.11)
      rack (>= 1.6.0)
      rack-test (>= 0.6.3)
      regexp_parser (>= 1.5, < 3.0)
      xpath (~> 3.2)
    capybara-puma (1.0.1)
      capybara
      puma
    carrierwave (3.1.2)
      activemodel (>= 6.0.0)
      activesupport (>= 6.0.0)
      addressable (~> 2.6)
      image_processing (~> 1.1)
      marcel (~> 1.0.0)
      ssrf_filter (~> 1.0)
    coderay (1.1.3)
    coffee-script (2.4.1)
      coffee-script-source
      execjs
    coffee-script-source (1.12.2)
    colorize (1.1.0)
    concurrent-ruby (1.3.5)
    connection_pool (2.5.3)
    crass (1.0.6)
    csv (3.3.5)
    cucumber (7.1.0)
      builder (~> 3.2, >= 3.2.4)
      cucumber-core (~> 10.1, >= 10.1.0)
      cucumber-create-meta (~> 6.0, >= 6.0.1)
      cucumber-cucumber-expressions (~> 14.0, >= 14.0.0)
      cucumber-gherkin (~> 22.0, >= 22.0.0)
      cucumber-html-formatter (~> 17.0, >= 17.0.0)
      cucumber-messages (~> 17.1, >= 17.1.1)
      cucumber-wire (~> 6.2, >= 6.2.0)
      diff-lcs (~> 1.4, >= 1.4.4)
      mime-types (~> 3.3, >= 3.3.1)
      multi_test (~> 0.1, >= 0.1.2)
      sys-uname (~> 1.2, >= 1.2.2)
    cucumber-core (10.1.1)
      cucumber-gherkin (~> 22.0, >= 22.0.0)
      cucumber-messages (~> 17.1, >= 17.1.1)
      cucumber-tag-expressions (~> 4.1, >= 4.1.0)
    cucumber-create-meta (6.0.4)
      cucumber-messages (~> 17.1, >= 17.1.1)
      sys-uname (~> 1.2, >= 1.2.2)
    cucumber-cucumber-expressions (14.0.0)
    cucumber-gherkin (22.0.0)
      cucumber-messages (~> 17.1, >= 17.1.1)
    cucumber-html-formatter (17.0.0)
      cucumber-messages (~> 17.1, >= 17.1.0)
    cucumber-messages (17.1.1)
    cucumber-rails (2.6.1)
      capybara (>= 2.18, < 4)
      cucumber (>= 3.2, < 9)
      mime-types (~> 3.3)
      nokogiri (~> 1.10)
      railties (>= 5.0, < 8)
      rexml (~> 3.0)
      webrick (~> 1.7)
    cucumber-tag-expressions (4.1.0)
    cucumber-wire (6.2.1)
      cucumber-core (~> 10.1, >= 10.1.0)
      cucumber-cucumber-expressions (~> 14.0, >= 14.0.0)
    cypress-on-rails (1.17.0)
      rack
    daemons (1.4.1)
    database_cleaner (2.1.0)
      database_cleaner-active_record (>= 2, < 3)
    database_cleaner-active_record (2.2.2)
      activerecord (>= 5.a)
      database_cleaner-core (~> 2.0)
    database_cleaner-core (2.0.1)
    date (3.4.1)
    debug_inspector (1.2.0)
    delayed_job (4.1.13)
      activesupport (>= 3.0, < 9.0)
    delayed_job_active_record (4.1.11)
      activerecord (>= 3.0, < 9.0)
      delayed_job (>= 3.0, < 5)
    delayed_job_web (1.4.4)
      activerecord (> 3.0.0)
      delayed_job (> 2.0.3)
      rack-protection (>= 1.5.5)
      sinatra (>= 1.4.4)
    diff-lcs (1.6.2)
    docile (1.4.1)
    drb (2.2.3)
    email_spec (2.3.0)
      htmlentities (~> 4.3.3)
      launchy (>= 2.1, < 4.0)
      mail (~> 2.7)
    erb (5.0.2)
    erubi (1.13.1)
    erubis (2.7.0)
    eventmachine (1.2.7)
    excon (1.3.0)
      logger
    execjs (2.10.0)
    ffi (1.17.2-aarch64-linux-gnu)
    ffi (1.17.2-aarch64-linux-musl)
    ffi (1.17.2-arm-linux-gnu)
    ffi (1.17.2-arm-linux-musl)
    ffi (1.17.2-arm64-darwin)
    ffi (1.17.2-x86-linux-gnu)
    ffi (1.17.2-x86-linux-musl)
    ffi (1.17.2-x86_64-darwin)
    ffi (1.17.2-x86_64-linux-gnu)
    ffi (1.17.2-x86_64-linux-musl)
    fog-aws (3.33.0)
      base64 (>= 0.2, < 0.4)
      fog-core (~> 2.6)
      fog-json (~> 1.1)
      fog-xml (~> 0.1)
    fog-core (2.6.0)
      builder
      excon (~> 1.0)
      formatador (>= 0.2, < 2.0)
      mime-types
    fog-json (1.2.0)
      fog-core
      multi_json (~> 1.10)
    fog-xml (0.1.5)
      fog-core
      nokogiri (>= 1.5.11, < 2.0.0)
    formatador (1.2.0)
      reline
    globalid (1.2.1)
      activesupport (>= 6.1)
    haml (5.2.2)
      temple (>= 0.8.0)
      tilt
    highline (3.1.2)
      reline
    html2haml (2.3.0)
      erubis (~> 2.7.0)
      haml (>= 4.0)
      nokogiri (>= 1.6.0)
      ruby_parser (~> 3.5)
    htmlentities (4.3.4)
    i18n (1.14.7)
      concurrent-ruby (~> 1.0)
    i18n-tasks (0.9.37)
      activesupport (>= 4.0.2)
      ast (>= 2.1.0)
      erubi
      highline (>= 2.0.0)
      i18n
      parser (>= 2.2.3.0)
      rails-i18n
      rainbow (>= 2.2.2, < 4.0)
      terminal-table (>= 1.5.1)
    image_processing (1.14.0)
      mini_magick (>= 4.9.5, < 6)
      ruby-vips (>= 2.0.17, < 3)
    interception (0.5)
    io-console (0.8.1)
    irb (1.15.2)
      pp (>= 0.6.0)
      rdoc (>= 4.0.0)
      reline (>= 0.4.2)
    json (2.13.2)
    jwt (2.10.2)
      base64
    kaminari (1.2.2)
      activesupport (>= 4.1.0)
      kaminari-actionview (= 1.2.2)
      kaminari-activerecord (= 1.2.2)
      kaminari-core (= 1.2.2)
    kaminari-actionview (1.2.2)
      actionview
      kaminari-core (= 1.2.2)
    kaminari-activerecord (1.2.2)
      activerecord
      kaminari-core (= 1.2.2)
    kaminari-core (1.2.2)
    kramdown (2.5.1)
      rexml (>= 3.3.9)
    kramdown-syntax-coderay (1.0.1)
      coderay (~> 1.1)
      kramdown (~> 2.0)
    language_server-protocol (3.17.0.5)
    launchy (2.5.2)
      addressable (~> 2.8)
    lint_roller (1.1.0)
    listen (3.9.0)
      rb-fsevent (~> 0.10, >= 0.10.3)
      rb-inotify (~> 0.9, >= 0.9.10)
    logger (1.7.0)
    loofah (2.24.1)
      crass (~> 1.0.2)
      nokogiri (>= 1.12.0)
    mail (2.8.1)
      mini_mime (>= 0.1.1)
      net-imap
      net-pop
      net-smtp
    marcel (1.0.2)
    matrix (0.4.3)
    method_source (1.1.0)
    mime-types (3.7.0)
      logger
      mime-types-data (~> 3.2025, >= 3.2025.0507)
    mime-types-data (3.2025.0812)
    mini_magick (4.13.2)
    mini_mime (1.1.5)
    mini_portile2 (2.8.9)
    minitest (5.25.5)
    multi_json (1.17.0)
    multi_test (0.1.2)
    mustermann (3.0.4)
      ruby2_keywords (~> 0.0.1)
    mysql2 (0.5.6)
    net-imap (0.5.9)
      date
      net-protocol
    net-pop (0.1.2)
      net-protocol
    net-protocol (0.2.2)
      timeout
    net-smtp (0.5.1)
      net-protocol
    nio4r (2.7.4)
    nokogiri (1.18.9)
      mini_portile2 (~> 2.8.2)
      racc (~> 1.4)
    nokogiri (1.18.9-aarch64-linux-gnu)
      racc (~> 1.4)
    nokogiri (1.18.9-aarch64-linux-musl)
      racc (~> 1.4)
    nokogiri (1.18.9-arm-linux-gnu)
      racc (~> 1.4)
    nokogiri (1.18.9-arm-linux-musl)
      racc (~> 1.4)
    nokogiri (1.18.9-arm64-darwin)
      racc (~> 1.4)
    nokogiri (1.18.9-x86_64-darwin)
      racc (~> 1.4)
    nokogiri (1.18.9-x86_64-linux-gnu)
      racc (~> 1.4)
    nokogiri (1.18.9-x86_64-linux-musl)
      racc (~> 1.4)
    parallel (1.27.0)
    parser (3.3.9.0)
      ast (~> 2.4.1)
      racc
    pp (0.6.2)
      prettyprint
    prettyprint (0.2.0)
    prism (1.4.0)
    pry (0.15.2)
      coderay (~> 1.1)
      method_source (~> 1.0)
    pry-rails (0.3.11)
      pry (>= 0.13.0)
    pry-rescue (1.6.0)
      interception (>= 0.5)
      pry (>= 0.12.0)
    pry-stack_explorer (0.6.1)
      binding_of_caller (~> 1.0)
      pry (~> 0.13)
    psych (5.2.6)
      date
      stringio
    public_suffix (6.0.2)
    puma (6.6.1)
      nio4r (~> 2.0)
    racc (1.8.1)
    rack (2.2.17)
    rack-protection (3.2.0)
      base64 (>= 0.1.0)
      rack (~> 2.2, >= 2.2.4)
    rack-session (1.0.2)
      rack (< 3)
    rack-test (2.2.0)
      rack (>= 1.3)
    rackup (1.0.1)
      rack (< 3)
      webrick
    rails (7.2.2.2)
      actioncable (= 7.2.2.2)
      actionmailbox (= 7.2.2.2)
      actionmailer (= 7.2.2.2)
      actionpack (= 7.2.2.2)
      actiontext (= 7.2.2.2)
      actionview (= 7.2.2.2)
      activejob (= 7.2.2.2)
      activemodel (= 7.2.2.2)
      activerecord (= 7.2.2.2)
      activestorage (= 7.2.2.2)
      activesupport (= 7.2.2.2)
      bundler (>= 1.15.0)
      railties (= 7.2.2.2)
    rails-controller-testing (1.0.5)
      actionpack (>= 5.0.1.rc1)
      actionview (>= 5.0.1.rc1)
      activesupport (>= 5.0.1.rc1)
    rails-dom-testing (2.3.0)
      activesupport (>= 5.0.0)
      minitest
      nokogiri (>= 1.6)
    rails-html-sanitizer (1.6.2)
      loofah (~> 2.21)
      nokogiri (>= 1.15.7, != 1.16.7, != 1.16.6, != 1.16.5, != 1.16.4, != 1.16.3, != 1.16.2, != 1.16.1, != 1.16.0.rc1, != 1.16.0)
    rails-i18n (7.0.10)
      i18n (>= 0.7, < 2)
      railties (>= 6.0.0, < 8)
    railties (7.2.2.2)
      actionpack (= 7.2.2.2)
      activesupport (= 7.2.2.2)
      irb (~> 1.13)
      rackup (>= 1.0.0)
      rake (>= 12.2)
      thor (~> 1.0, >= 1.2.2)
      zeitwerk (~> 2.6)
    rainbow (3.1.1)
    rake (13.3.0)
    rake-hooks (1.2.3)
      rake
    rb-fsevent (0.11.2)
    rb-inotify (0.11.1)
      ffi (~> 1.0)
    rdoc (6.14.2)
      erb
      psych (>= 4.0.0)
    recaptcha (4.13.2)
      json
    regexp_parser (2.11.2)
    reline (0.6.2)
      io-console (~> 0.5)
    rexml (3.4.1)
    rouge (4.6.0)
    rr (3.1.2)
    rspec (3.13.1)
      rspec-core (~> 3.13.0)
      rspec-expectations (~> 3.13.0)
      rspec-mocks (~> 3.13.0)
    rspec-core (3.13.5)
      rspec-support (~> 3.13.0)
    rspec-expectations (3.13.5)
      diff-lcs (>= 1.2.0, < 2.0)
      rspec-support (~> 3.13.0)
    rspec-html-matchers (0.10.0)
      nokogiri (~> 1)
      rspec (>= 3.0.0.a)
    rspec-mocks (3.13.5)
      diff-lcs (>= 1.2.0, < 2.0)
      rspec-support (~> 3.13.0)
    rspec-rails (7.1.1)
      actionpack (>= 7.0)
      activesupport (>= 7.0)
      railties (>= 7.0)
      rspec-core (~> 3.13)
      rspec-expectations (~> 3.13)
      rspec-mocks (~> 3.13)
      rspec-support (~> 3.13)
    rspec-support (3.13.5)
    rspec_junit_formatter (0.6.0)
      rspec-core (>= 2, < 4, != 2.12.0)
    rubocop (1.79.2)
      json (~> 2.3)
      language_server-protocol (~> 3.17.0.2)
      lint_roller (~> 1.1.0)
      parallel (~> 1.10)
      parser (>= 3.3.0.2)
      rainbow (>= 2.2.2, < 4.0)
      regexp_parser (>= 2.9.3, < 3.0)
      rubocop-ast (>= 1.46.0, < 2.0)
      ruby-progressbar (~> 1.7)
      unicode-display_width (>= 2.4.0, < 4.0)
    rubocop-ast (1.46.0)
      parser (>= 3.3.7.2)
      prism (~> 1.4)
    rubocop-rspec (3.6.0)
      lint_roller (~> 1.1)
      rubocop (~> 1.72, >= 1.72.1)
    ruby-prof (1.7.2)
      base64
    ruby-progressbar (1.13.0)
    ruby-vips (2.2.4)
      ffi (~> 1.12)
      logger
    ruby2_keywords (0.0.5)
    ruby_parser (3.21.1)
      racc (~> 1.5)
      sexp_processor (~> 4.16)
    rubyzip (2.4.1)
    sass (3.7.4)
      sass-listen (~> 4.0.0)
    sass-listen (4.0.0)
      rb-fsevent (~> 0.9, >= 0.9.4)
      rb-inotify (~> 0.9, >= 0.9.7)
    sassc (2.4.0)
      ffi (~> 1.9)
    securerandom (0.4.1)
    selenium-webdriver (4.9.0)
      rexml (~> 3.2, >= 3.2.5)
      rubyzip (>= 1.2.2, < 3.0)
      websocket (~> 1.0)
    sexp_processor (4.17.3)
    simplecov (0.22.0)
      docile (~> 1.1)
      simplecov-html (~> 0.11)
      simplecov_json_formatter (~> 0.1)
    simplecov-html (0.13.2)
    simplecov_json_formatter (0.1.4)
    sinatra (3.2.0)
      mustermann (~> 3.0)
      rack (~> 2.2, >= 2.2.4)
      rack-protection (= 3.2.0)
      tilt (~> 2.0)
    spork (0.9.2)
    spring (4.4.0)
    spring-commands-cucumber (1.0.1)
      spring (>= 0.9.1)
    spring-commands-rspec (1.0.4)
      spring (>= 0.9.1)
    sprockets (3.7.5)
      base64
      concurrent-ruby (~> 1.0)
      rack (> 1, < 3)
    sprockets-rails (3.5.2)
      actionpack (>= 6.1)
      activesupport (>= 6.1)
      sprockets (>= 3.0.0)
    ssrf_filter (1.3.0)
    stringio (3.1.7)
    sys-uname (1.3.1)
      ffi (~> 1.1)
    temple (0.10.4)
    terminal-table (4.0.0)
      unicode-display_width (>= 1.1.1, < 4)
    thin (2.0.1)
      daemons (~> 1.0, >= 1.0.9)
      eventmachine (~> 1.0, >= 1.0.4)
      logger
      rack (>= 1, < 4)
    thor (1.4.0)
    tilt (2.6.1)
    timecop (0.9.10)
    timeout (0.4.3)
    tzinfo (2.0.6)
      concurrent-ruby (~> 1.0)
    uglifier (4.2.1)
      execjs (>= 0.3.0, < 3)
    unicode-display_width (3.1.5)
      unicode-emoji (~> 4.0, >= 4.0.4)
    unicode-emoji (4.0.4)
    useragent (0.16.11)
    webdrivers (5.3.1)
      nokogiri (~> 1.6)
      rubyzip (>= 1.3.0)
      selenium-webdriver (~> 4.0, < 4.11)
    webrick (1.9.1)
    websocket (1.2.11)
    websocket-driver (0.8.0)
      base64
      websocket-extensions (>= 0.1.0)
    websocket-extensions (0.1.5)
    xpath (3.2.0)
      nokogiri (~> 1.8)
    yard (0.9.37)
    zeitwerk (2.7.3)

PLATFORMS
  aarch64-linux
  aarch64-linux
  aarch64-linux-musl
  arm-linux
  arm-linux
  arm-linux-musl
  arm64-darwin
  x86-linux
  x86-linux
  x86-linux-musl
  x86_64-darwin
  x86_64-linux
  x86_64-linux
  x86_64-linux-musl

DEPENDENCIES
  card!
  card-mod-defaults!
  card-mod-delayed_job!
  card-mod-monkey!
  card-mod-platypus!
  decko!
  decko-cucumber!
  decko-cypress!
  decko-profile!
  decko-rspec!
  decko-spring!
  mysql2
  thin

BUNDLED WITH
   2.5.18
