GEM
  remote: http://rubygems.org/
  specs:
    actioncable (6.1.6.1)
      actionpack (= 6.1.6.1)
      activesupport (= 6.1.6.1)
      nio4r (~> 2.0)
      websocket-driver (>= 0.6.1)
    actionmailbox (6.1.6.1)
      actionpack (= 6.1.6.1)
      activejob (= 6.1.6.1)
      activerecord (= 6.1.6.1)
      activestorage (= 6.1.6.1)
      activesupport (= 6.1.6.1)
      mail (>= 2.7.1)
    actionmailer (6.1.6.1)
      actionpack (= 6.1.6.1)
      actionview (= 6.1.6.1)
      activejob (= 6.1.6.1)
      activesupport (= 6.1.6.1)
      mail (~> 2.5, >= 2.5.4)
      rails-dom-testing (~> 2.0)
    actionpack (6.1.6.1)
      actionview (= 6.1.6.1)
      activesupport (= 6.1.6.1)
      rack (~> 2.0, >= 2.0.9)
      rack-test (>= 0.6.3)
      rails-dom-testing (~> 2.0)
      rails-html-sanitizer (~> 1.0, >= 1.2.0)
    actiontext (6.1.6.1)
      actionpack (= 6.1.6.1)
      activerecord (= 6.1.6.1)
      activestorage (= 6.1.6.1)
      activesupport (= 6.1.6.1)
      nokogiri (>= 1.8.5)
    actionview (6.1.6.1)
      activesupport (= 6.1.6.1)
      builder (~> 3.1)
      erubi (~> 1.4)
      rails-dom-testing (~> 2.0)
      rails-html-sanitizer (~> 1.1, >= 1.2.0)
    activejob (6.1.6.1)
      activesupport (= 6.1.6.1)
      globalid (>= 0.3.6)
    activemodel (6.1.6.1)
      activesupport (= 6.1.6.1)
    activerecord (6.1.6.1)
      activemodel (= 6.1.6.1)
      activesupport (= 6.1.6.1)
    activerecord-import (1.4.0)
      activerecord (>= 4.2)
    activestorage (6.1.6.1)
      actionpack (= 6.1.6.1)
      activejob (= 6.1.6.1)
      activerecord (= 6.1.6.1)
      activesupport (= 6.1.6.1)
      marcel (~> 1.0)
      mini_mime (>= 1.1.0)
    activesupport (6.1.6.1)
      concurrent-ruby (~> 1.0, >= 1.0.2)
      i18n (>= 1.6, < 2)
      minitest (>= 5.1)
      tzinfo (~> 2.0)
      zeitwerk (~> 2.3)
    addressable (2.8.0)
      public_suffix (>= 2.0.2, < 5.0)
    bootstrap4-kaminari-views (1.0.1)
      kaminari (>= 0.13)
      rails (>= 3.1)
    builder (3.2.4)
    card (1.104.2)
      actionmailbox (~> 6.1.4)
      actionmailer (~> 6.1.4)
      actionview (~> 6.1.4)
      activejob (~> 6.1.4)
      activerecord (~> 6.1.4)
      activerecord-import (~> 1.1)
      activestorage (~> 6.1.4)
      bootstrap4-kaminari-views (~> 1.0)
      cardname (= 0.14.2)
      coderay (~> 1.1)
      coffee-script (~> 2.4)
      colorize (~> 0.8)
      diff-lcs (~> 1.4)
      haml (~> 5.2)
      jwt (~> 2.2)
      kaminari (~> 1.2)
      railties (~> 6.1.4)
      rake (~> 13.0)
      sassc (~> 2.4)
      sprockets (~> 3.7)
      sprockets-rails (~> 3.2)
      uglifier (~> 4.2)
      zeitwerk (!= 2.5.0)
    card-mod-account (0.14.2)
      card (= 1.104.2)
      card-mod-email (= 0.14.2)
      card-mod-list (= 0.14.2)
      card-mod-permissions (= 0.14.2)
    card-mod-ace_editor (0.14.2)
      card (= 1.104.2)
      card-mod-edit (= 0.14.2)
      card-mod-script (= 0.14.2)
    card-mod-api_key (0.14.2)
      card (= 1.104.2)
      card-mod-account (= 0.14.2)
    card-mod-assets (0.14.2)
      card (= 1.104.2)
      card-mod-carrierwave (= 0.14.2)
      card-mod-content (= 0.14.2)
      card-mod-format (= 0.14.2)
      card-mod-list (= 0.14.2)
      card-mod-virtual (= 0.14.2)
      execjs (~> 2.7, != 2.8.0)
    card-mod-bar_and_box (0.14.2)
      card (= 1.104.2)
      card-mod-style (= 0.14.2)
    card-mod-bootstrap (0.14.2)
      card (= 1.104.2)
      card-mod-bar_and_box (= 0.14.2)
      card-mod-edit (= 0.14.2)
      card-mod-script (= 0.14.2)
      card-mod-style (= 0.14.2)
    card-mod-carrierwave (0.14.2)
      card (= 1.104.2)
      card-mod-history (= 0.14.2)
      card-mod-permissions (= 0.14.2)
      carrierwave (~> 2.2)
      mini_magick (~> 4.2)
    card-mod-collection (0.14.2)
      card (= 1.104.2)
    card-mod-comment (0.14.2)
      card (= 1.104.2)
      card-mod-permissions (= 0.14.2)
    card-mod-content (0.14.2)
      card (= 1.104.2)
    card-mod-date (0.14.2)
      card (= 1.104.2)
    card-mod-defaults (0.14.2)
      card (= 1.104.2)
      card-mod-account (= 0.14.2)
      card-mod-ace_editor (= 0.14.2)
      card-mod-api_key (= 0.14.2)
      card-mod-assets (= 0.14.2)
      card-mod-bar_and_box (= 0.14.2)
      card-mod-bootstrap (= 0.14.2)
      card-mod-carrierwave (= 0.14.2)
      card-mod-comment (= 0.14.2)
      card-mod-date (= 0.14.2)
      card-mod-delayed_job (= 0.14.2)
      card-mod-follow (= 0.14.2)
      card-mod-help (= 0.14.2)
      card-mod-history (= 0.14.2)
      card-mod-integrate (= 0.14.2)
      card-mod-layout (= 0.14.2)
      card-mod-list (= 0.14.2)
      card-mod-markdown (= 0.14.2)
      card-mod-permissions (= 0.14.2)
      card-mod-recaptcha (= 0.14.2)
      card-mod-rules (= 0.14.2)
      card-mod-search (= 0.14.2)
      card-mod-tabs (= 0.14.2)
      card-mod-tinymce_editor (= 0.14.2)
    card-mod-delayed_job (0.14.2)
      card (= 1.104.2)
      daemons (~> 1.4)
      delayed_job_active_record (~> 4.1)
      delayed_job_web (~> 1.4)
    card-mod-edit (0.14.2)
      card (= 1.104.2)
      card-mod-rules (= 0.14.2)
    card-mod-email (0.14.2)
      card (= 1.104.2)
    card-mod-follow (0.14.2)
      card (= 1.104.2)
      card-mod-carrierwave (= 0.14.2)
    card-mod-format (0.14.2)
      card (= 1.104.2)
      card-mod-content (= 0.14.2)
    card-mod-help (0.14.2)
      card (= 1.104.2)
    card-mod-history (0.14.2)
      card (= 1.104.2)
    card-mod-integrate (0.14.2)
      card (= 1.104.2)
    card-mod-layout (0.14.2)
      card (= 1.104.2)
      card-mod-account (= 0.14.2)
      card-mod-session (= 0.14.2)
    card-mod-list (0.14.2)
      card (= 1.104.2)
      card-mod-collection (= 0.14.2)
      card-mod-format (= 0.14.2)
    card-mod-markdown (0.14.2)
      card (= 1.104.2)
      card-mod-ace_editor (= 0.14.2)
      kramdown (~> 2.3)
    card-mod-permissions (0.14.2)
      card (= 1.104.2)
    card-mod-recaptcha (0.14.2)
      card (= 1.104.2)
      recaptcha (~> 4.13.1)
    card-mod-rules (0.14.2)
      card (= 1.104.2)
      card-mod-format (= 0.14.2)
      card-mod-search (= 0.14.2)
    card-mod-script (0.14.2)
      card (= 1.104.2)
      card-mod-assets (= 0.14.2)
      card-mod-list (= 0.14.2)
    card-mod-search (0.14.2)
      card (= 1.104.2)
      card-mod-collection (= 0.14.2)
    card-mod-session (0.14.2)
      card (= 1.104.2)
      card-mod-list (= 0.14.2)
    card-mod-style (0.14.2)
      card (= 1.104.2)
      card-mod-assets (= 0.14.2)
      card-mod-list (= 0.14.2)
    card-mod-tabs (0.14.2)
      card (= 1.104.2)
      card-mod-bootstrap (= 0.14.2)
    card-mod-tinymce_editor (0.14.2)
      card (= 1.104.2)
      card-mod-edit (= 0.14.2)
    card-mod-virtual (0.14.2)
      card (= 1.104.2)
    cardname (0.14.2)
      activesupport (~> 6.1)
      htmlentities (~> 4.3)
    carrierwave (2.2.2)
      activemodel (>= 5.0.0)
      activesupport (>= 5.0.0)
      addressable (~> 2.6)
      image_processing (~> 1.1)
      marcel (~> 1.0.0)
      mini_mime (>= 0.1.3)
      ssrf_filter (~> 1.0)
    coderay (1.1.3)
    coffee-script (2.4.1)
      coffee-script-source
      execjs
    coffee-script-source (1.12.2)
    colorize (0.8.1)
    concurrent-ruby (1.2.0)
    crass (1.0.6)
    daemons (1.4.1)
    dalli (3.2.3)
    decko (0.14.2)
      actionpack (~> 6.1.4)
      card (= 1.104.2)
      card-mod-defaults (= 0.14.2)
    delayed_job (4.1.10)
      activesupport (>= 3.0, < 8.0)
    delayed_job_active_record (4.1.7)
      activerecord (>= 3.0, < 8.0)
      delayed_job (>= 3.0, < 5)
    delayed_job_web (1.4.4)
      activerecord (> 3.0.0)
      delayed_job (> 2.0.3)
      rack-protection (>= 1.5.5)
      sinatra (>= 1.4.4)
    diff-lcs (1.5.0)
    erubi (1.10.0)
    excon (0.89.0)
    execjs (2.8.1)
    ffi (1.15.5)
    fog-aws (3.12.0)
      fog-core (~> 2.1)
      fog-json (~> 1.1)
      fog-xml (~> 0.1)
      ipaddress (~> 0.8)
    fog-core (2.2.4)
      builder
      excon (~> 0.71)
      formatador (~> 0.2)
      mime-types
    fog-json (1.2.0)
      fog-core
      multi_json (~> 1.10)
    fog-xml (0.1.4)
      fog-core
      nokogiri (>= 1.5.11, < 2.0.0)
    formatador (0.3.0)
    globalid (1.1.0)
      activesupport (>= 5.0)
    haml (5.2.2)
      temple (>= 0.8.0)
      tilt
    htmlentities (4.3.4)
    i18n (1.12.0)
      concurrent-ruby (~> 1.0)
    image_processing (1.12.2)
      mini_magick (>= 4.9.5, < 5)
      ruby-vips (>= 2.0.17, < 3)
    ipaddress (0.8.3)
    json (2.6.1)
    jwt (2.4.1)
    kaminari (1.2.2)
      activesupport (>= 4.1.0)
      kaminari-actionview (= 1.2.2)
      kaminari-activerecord (= 1.2.2)
      kaminari-core (= 1.2.2)
    kaminari-actionview (1.2.2)
      actionview
      kaminari-core (= 1.2.2)
    kaminari-activerecord (1.2.2)
      activerecord
      kaminari-core (= 1.2.2)
    kaminari-core (1.2.2)
    kramdown (2.3.1)
      rexml
    loofah (2.19.1)
      crass (~> 1.0.2)
      nokogiri (>= 1.5.9)
    mail (2.7.1)
      mini_mime (>= 0.1.1)
    marcel (1.0.2)
    method_source (1.0.0)
    mime-types (3.4.1)
      mime-types-data (~> 3.2015)
    mime-types-data (3.2022.0105)
    mini_magick (4.11.0)
    mini_mime (1.1.2)
    mini_portile2 (2.8.0)
    minitest (5.17.0)
    multi_json (1.15.0)
    mustermann (3.0.0)
      ruby2_keywords (~> 0.0.1)
    nio4r (2.5.8)
    nokogiri (1.13.10)
      mini_portile2 (~> 2.8.0)
      racc (~> 1.4)
    public_suffix (4.0.6)
    racc (1.6.1)
    rack (2.2.4)
    rack-protection (3.0.4)
      rack
    rack-test (2.0.2)
      rack (>= 1.3)
    rails (6.1.6.1)
      actioncable (= 6.1.6.1)
      actionmailbox (= 6.1.6.1)
      actionmailer (= 6.1.6.1)
      actionpack (= 6.1.6.1)
      actiontext (= 6.1.6.1)
      actionview (= 6.1.6.1)
      activejob (= 6.1.6.1)
      activemodel (= 6.1.6.1)
      activerecord (= 6.1.6.1)
      activestorage (= 6.1.6.1)
      activesupport (= 6.1.6.1)
      bundler (>= 1.15.0)
      railties (= 6.1.6.1)
      sprockets-rails (>= 2.0.0)
    rails-dom-testing (2.0.3)
      activesupport (>= 4.2.0)
      nokogiri (>= 1.6)
    rails-html-sanitizer (1.4.4)
      loofah (~> 2.19, >= 2.19.1)
    railties (6.1.6.1)
      actionpack (= 6.1.6.1)
      activesupport (= 6.1.6.1)
      method_source
      rake (>= 12.2)
      thor (~> 1.0)
    rake (13.0.6)
    recaptcha (4.13.2)
      json
    rexml (3.2.5)
    ruby-vips (2.1.4)
      ffi (~> 1.12)
    ruby2_keywords (0.0.5)
    sassc (2.4.0)
      ffi (~> 1.9)
    sinatra (3.0.4)
      mustermann (~> 3.0)
      rack (~> 2.2, >= 2.2.4)
      rack-protection (= 3.0.4)
      tilt (~> 2.0)
    sprockets (3.7.2)
      concurrent-ruby (~> 1.0)
      rack (> 1, < 3)
    sprockets-rails (3.4.2)
      actionpack (>= 5.2)
      activesupport (>= 5.2)
      sprockets (>= 3.0.0)
    ssrf_filter (1.0.7)
    temple (0.8.2)
    thor (1.2.1)
    tilt (2.0.11)
    tzinfo (2.0.6)
      concurrent-ruby (~> 1.0)
    uglifier (4.2.0)
      execjs (>= 0.3.0, < 3)
    websocket-driver (0.7.5)
      websocket-extensions (>= 0.1.0)
    websocket-extensions (0.1.5)
    zeitwerk (2.6.6)

PLATFORMS
  ruby

DEPENDENCIES
  card-mod-defaults
  dalli
  decko
  fog-aws

BUNDLED WITH
   2.2.15
