GEM
  remote: http://rubygems.org/
  specs:
    actioncable (6.1.3.2)
      actionpack (= 6.1.3.2)
      activesupport (= 6.1.3.2)
      nio4r (~> 2.0)
      websocket-driver (>= 0.6.1)
    actionmailbox (6.1.3.2)
      actionpack (= 6.1.3.2)
      activejob (= 6.1.3.2)
      activerecord (= 6.1.3.2)
      activestorage (= 6.1.3.2)
      activesupport (= 6.1.3.2)
      mail (>= 2.7.1)
    actionmailer (6.1.3.2)
      actionpack (= 6.1.3.2)
      actionview (= 6.1.3.2)
      activejob (= 6.1.3.2)
      activesupport (= 6.1.3.2)
      mail (~> 2.5, >= 2.5.4)
      rails-dom-testing (~> 2.0)
    actionpack (6.1.3.2)
      actionview (= 6.1.3.2)
      activesupport (= 6.1.3.2)
      rack (~> 2.0, >= 2.0.9)
      rack-test (>= 0.6.3)
      rails-dom-testing (~> 2.0)
      rails-html-sanitizer (~> 1.0, >= 1.2.0)
    actiontext (6.1.3.2)
      actionpack (= 6.1.3.2)
      activerecord (= 6.1.3.2)
      activestorage (= 6.1.3.2)
      activesupport (= 6.1.3.2)
      nokogiri (>= 1.8.5)
    actionview (6.1.3.2)
      activesupport (= 6.1.3.2)
      builder (~> 3.1)
      erubi (~> 1.4)
      rails-dom-testing (~> 2.0)
      rails-html-sanitizer (~> 1.1, >= 1.2.0)
    activejob (6.1.3.2)
      activesupport (= 6.1.3.2)
      globalid (>= 0.3.6)
    activemodel (6.1.3.2)
      activesupport (= 6.1.3.2)
    activerecord (6.1.3.2)
      activemodel (= 6.1.3.2)
      activesupport (= 6.1.3.2)
    activerecord-import (1.1.0)
      activerecord (>= 3.2)
    activestorage (6.1.3.2)
      actionpack (= 6.1.3.2)
      activejob (= 6.1.3.2)
      activerecord (= 6.1.3.2)
      activesupport (= 6.1.3.2)
      marcel (~> 1.0.0)
      mini_mime (~> 1.0.2)
    activesupport (6.1.3.2)
      concurrent-ruby (~> 1.0, >= 1.0.2)
      i18n (>= 1.6, < 2)
      minitest (>= 5.1)
      tzinfo (~> 2.0)
      zeitwerk (~> 2.3)
    addressable (2.7.0)
      public_suffix (>= 2.0.2, < 5.0)
    bootstrap4-kaminari-views (1.0.1)
      kaminari (>= 0.13)
      rails (>= 3.1)
    builder (3.2.4)
    card (1.101.6)
      activerecord-import (~> 1.0)
      bootstrap4-kaminari-views (~> 1.0)
      cardname (= 0.11.6)
      coderay (~> 1.1)
      coffee-script (~> 2.4)
      colorize (~> 0.8)
      diff-lcs (~> 1.3)
      haml (~> 5.0)
      jwt (~> 2.2)
      kaminari (~> 1.0)
      rails (~> 6.1.3.1)
      rake (~> 13.0)
      sassc (~> 2.0)
      sprockets (~> 3.7)
      uglifier (~> 4.2)
    card-mod-account (0.11.6)
      card (= 1.101.6)
      card-mod-email (= 0.11.6)
      card-mod-list (= 0.11.6)
      card-mod-permissions (= 0.11.6)
    card-mod-ace_editor (0.11.6)
      card (= 1.101.6)
      card-mod-edit (= 0.11.6)
      card-mod-script (= 0.11.6)
    card-mod-alias (0.11.6)
      card (= 1.101.6)
    card-mod-api_key (0.11.6)
      card (= 1.101.6)
      card-mod-account (= 0.11.6)
    card-mod-bar_and_box (0.11.6)
      card (= 1.101.6)
      card-mod-style (= 0.11.6)
    card-mod-bootstrap (0.11.6)
      card (= 1.101.6)
      card-mod-bar_and_box (= 0.11.6)
      card-mod-edit (= 0.11.6)
      card-mod-script (= 0.11.6)
      card-mod-style (= 0.11.6)
    card-mod-carrierwave (0.11.6)
      card (= 1.101.6)
      card-mod-history (= 0.11.6)
      card-mod-permissions (= 0.11.6)
      carrierwave (~> 2.2.1)
      mini_magick (~> 4.2)
    card-mod-collection (0.11.6)
      card (= 1.101.6)
    card-mod-comment (0.11.6)
      card (= 1.101.6)
      card-mod-permissions (= 0.11.6)
    card-mod-content (0.11.6)
      card (= 1.101.6)
    card-mod-date (0.11.6)
      card (= 1.101.6)
    card-mod-defaults (0.11.6)
      card (= 1.101.6)
      card-mod-account (= 0.11.6)
      card-mod-ace_editor (= 0.11.6)
      card-mod-alias (= 0.11.6)
      card-mod-api_key (= 0.11.6)
      card-mod-bar_and_box (= 0.11.6)
      card-mod-bootstrap (= 0.11.6)
      card-mod-carrierwave (= 0.11.6)
      card-mod-comment (= 0.11.6)
      card-mod-date (= 0.11.6)
      card-mod-delayed_job (= 0.11.6)
      card-mod-follow (= 0.11.6)
      card-mod-google_analytics (= 0.11.6)
      card-mod-help (= 0.11.6)
      card-mod-history (= 0.11.6)
      card-mod-integrate (= 0.11.6)
      card-mod-layout (= 0.11.6)
      card-mod-legacy (= 0.11.6)
      card-mod-list (= 0.11.6)
      card-mod-machines (= 0.11.6)
      card-mod-markdown (= 0.11.6)
      card-mod-permissions (= 0.11.6)
      card-mod-prosemirror_editor (= 0.11.6)
      card-mod-recaptcha (= 0.11.6)
      card-mod-rules (= 0.11.6)
      card-mod-search (= 0.11.6)
      card-mod-tinymce_editor (= 0.11.6)
    card-mod-delayed_job (0.11.6)
      card (= 1.101.6)
      daemons
      delayed_job_active_record (>= 4.1)
      delayed_job_web
    card-mod-edit (0.11.6)
      card (= 1.101.6)
    card-mod-email (0.11.6)
      card (= 1.101.6)
    card-mod-follow (0.11.6)
      card (= 1.101.6)
      card-mod-carrierwave (= 0.11.6)
    card-mod-format (0.11.6)
      card (= 1.101.6)
      card-mod-content (= 0.11.6)
    card-mod-google_analytics (0.11.6)
      card (= 1.101.6)
      staccato
    card-mod-help (0.11.6)
      card (= 1.101.6)
    card-mod-history (0.11.6)
      card (= 1.101.6)
    card-mod-integrate (0.11.6)
      card (= 1.101.6)
    card-mod-layout (0.11.6)
      card (= 1.101.6)
      card-mod-account (= 0.11.6)
      card-mod-session (= 0.11.6)
    card-mod-legacy (0.11.6)
      card (= 1.101.6)
    card-mod-list (0.11.6)
      card (= 1.101.6)
      card-mod-collection (= 0.11.6)
      card-mod-format (= 0.11.6)
    card-mod-machines (0.11.6)
      card (= 1.101.6)
      card-mod-carrierwave (= 0.11.6)
      card-mod-format (= 0.11.6)
      card-mod-list (= 0.11.6)
      card-mod-virtual (= 0.11.6)
      execjs (~> 2.7, != 2.8.0)
    card-mod-markdown (0.11.6)
      card (= 1.101.6)
      kramdown
    card-mod-permissions (0.11.6)
      card (= 1.101.6)
    card-mod-prosemirror_editor (0.11.6)
      card (= 1.101.6)
      card-mod-edit (= 0.11.6)
    card-mod-recaptcha (0.11.6)
      card (= 1.101.6)
      recaptcha (~> 4.13.1)
    card-mod-rules (0.11.6)
      card (= 1.101.6)
      card-mod-format (= 0.11.6)
      card-mod-search (= 0.11.6)
    card-mod-script (0.11.6)
      card (= 1.101.6)
      card-mod-list (= 0.11.6)
      card-mod-machines (= 0.11.6)
    card-mod-search (0.11.6)
      card (= 1.101.6)
      card-mod-collection (= 0.11.6)
    card-mod-session (0.11.6)
      card (= 1.101.6)
      card-mod-list (= 0.11.6)
    card-mod-style (0.11.6)
      card (= 1.101.6)
      card-mod-list (= 0.11.6)
      card-mod-machines (= 0.11.6)
    card-mod-tinymce_editor (0.11.6)
      card (= 1.101.6)
      card-mod-edit (= 0.11.6)
    card-mod-virtual (0.11.6)
      card (= 1.101.6)
    cardname (0.11.6)
      activesupport (~> 6)
      htmlentities (~> 4.3)
    carrierwave (2.2.1)
      activemodel (>= 5.0.0)
      activesupport (>= 5.0.0)
      addressable (~> 2.6)
      image_processing (~> 1.1)
      marcel (~> 1.0.0)
      mini_mime (>= 0.1.3)
      ssrf_filter (~> 1.0)
    coderay (1.1.3)
    coffee-script (2.4.1)
      coffee-script-source
      execjs
    coffee-script-source (1.12.2)
    colorize (0.8.1)
    concurrent-ruby (1.1.8)
    crass (1.0.6)
    daemons (1.4.0)
    dalli (2.7.11)
    decko (0.11.6)
      card (= 1.101.6)
      card-mod-defaults (= 0.11.6)
    delayed_job (4.1.9)
      activesupport (>= 3.0, < 6.2)
    delayed_job_active_record (4.1.6)
      activerecord (>= 3.0, < 6.2)
      delayed_job (>= 3.0, < 5)
    delayed_job_web (1.4.4)
      activerecord (> 3.0.0)
      delayed_job (> 2.0.3)
      rack-protection (>= 1.5.5)
      sinatra (>= 1.4.4)
    diff-lcs (1.4.4)
    erubi (1.10.0)
    excon (0.81.0)
    execjs (2.8.1)
    ffi (1.15.0)
    fog-aws (3.10.0)
      fog-core (~> 2.1)
      fog-json (~> 1.1)
      fog-xml (~> 0.1)
      ipaddress (~> 0.8)
    fog-core (2.2.4)
      builder
      excon (~> 0.71)
      formatador (~> 0.2)
      mime-types
    fog-json (1.2.0)
      fog-core
      multi_json (~> 1.10)
    fog-xml (0.1.3)
      fog-core
      nokogiri (>= 1.5.11, < 2.0.0)
    formatador (0.2.5)
    globalid (0.4.2)
      activesupport (>= 4.2.0)
    haml (5.2.1)
      temple (>= 0.8.0)
      tilt
    htmlentities (4.3.4)
    i18n (1.8.10)
      concurrent-ruby (~> 1.0)
    image_processing (1.12.1)
      mini_magick (>= 4.9.5, < 5)
      ruby-vips (>= 2.0.17, < 3)
    ipaddress (0.8.3)
    json (2.5.1)
    jwt (2.2.3)
    kaminari (1.2.1)
      activesupport (>= 4.1.0)
      kaminari-actionview (= 1.2.1)
      kaminari-activerecord (= 1.2.1)
      kaminari-core (= 1.2.1)
    kaminari-actionview (1.2.1)
      actionview
      kaminari-core (= 1.2.1)
    kaminari-activerecord (1.2.1)
      activerecord
      kaminari-core (= 1.2.1)
    kaminari-core (1.2.1)
    kramdown (2.3.1)
      rexml
    loofah (2.9.1)
      crass (~> 1.0.2)
      nokogiri (>= 1.5.9)
    mail (2.7.1)
      mini_mime (>= 0.1.1)
    marcel (1.0.1)
    method_source (1.0.0)
    mime-types (3.3.1)
      mime-types-data (~> 3.2015)
    mime-types-data (3.2021.0225)
    mini_magick (4.11.0)
    mini_mime (1.0.3)
    mini_portile2 (2.5.1)
    minitest (5.14.4)
    multi_json (1.15.0)
    mustermann (1.1.1)
      ruby2_keywords (~> 0.0.1)
    nio4r (2.5.7)
    nokogiri (1.11.5)
      mini_portile2 (~> 2.5.0)
      racc (~> 1.4)
    public_suffix (4.0.6)
    racc (1.5.2)
    rack (2.2.3)
    rack-protection (2.1.0)
      rack
    rack-test (1.1.0)
      rack (>= 1.0, < 3)
    rails (6.1.3.2)
      actioncable (= 6.1.3.2)
      actionmailbox (= 6.1.3.2)
      actionmailer (= 6.1.3.2)
      actionpack (= 6.1.3.2)
      actiontext (= 6.1.3.2)
      actionview (= 6.1.3.2)
      activejob (= 6.1.3.2)
      activemodel (= 6.1.3.2)
      activerecord (= 6.1.3.2)
      activestorage (= 6.1.3.2)
      activesupport (= 6.1.3.2)
      bundler (>= 1.15.0)
      railties (= 6.1.3.2)
      sprockets-rails (>= 2.0.0)
    rails-dom-testing (2.0.3)
      activesupport (>= 4.2.0)
      nokogiri (>= 1.6)
    rails-html-sanitizer (1.3.0)
      loofah (~> 2.3)
    railties (6.1.3.2)
      actionpack (= 6.1.3.2)
      activesupport (= 6.1.3.2)
      method_source
      rake (>= 0.8.7)
      thor (~> 1.0)
    rake (13.0.3)
    recaptcha (4.13.2)
      json
    rexml (3.2.5)
    ruby-vips (2.1.2)
      ffi (~> 1.12)
    ruby2_keywords (0.0.4)
    sassc (2.4.0)
      ffi (~> 1.9)
    sinatra (2.1.0)
      mustermann (~> 1.0)
      rack (~> 2.2)
      rack-protection (= 2.1.0)
      tilt (~> 2.0)
    sprockets (3.7.2)
      concurrent-ruby (~> 1.0)
      rack (> 1, < 3)
    sprockets-rails (3.2.2)
      actionpack (>= 4.0)
      activesupport (>= 4.0)
      sprockets (>= 3.0.0)
    ssrf_filter (1.0.7)
    staccato (0.5.3)
    temple (0.8.2)
    thor (1.1.0)
    tilt (2.0.10)
    tzinfo (2.0.4)
      concurrent-ruby (~> 1.0)
    uglifier (4.2.0)
      execjs (>= 0.3.0, < 3)
    websocket-driver (0.7.3)
      websocket-extensions (>= 0.1.0)
    websocket-extensions (0.1.5)
    zeitwerk (2.4.2)

PLATFORMS
  ruby

DEPENDENCIES
  card-mod-defaults
  dalli
  decko
  fog-aws

BUNDLED WITH
   2.1.4
