GEM
  remote: http://rubygems.org/
  specs:
    actioncable (7.1.5.2)
      actionpack (= 7.1.5.2)
      activesupport (= 7.1.5.2)
      nio4r (~> 2.0)
      websocket-driver (>= 0.6.1)
      zeitwerk (~> 2.6)
    actionmailbox (7.1.5.2)
      actionpack (= 7.1.5.2)
      activejob (= 7.1.5.2)
      activerecord (= 7.1.5.2)
      activestorage (= 7.1.5.2)
      activesupport (= 7.1.5.2)
      mail (>= 2.7.1)
      net-imap
      net-pop
      net-smtp
    actionmailer (7.1.5.2)
      actionpack (= 7.1.5.2)
      actionview (= 7.1.5.2)
      activejob (= 7.1.5.2)
      activesupport (= 7.1.5.2)
      mail (~> 2.5, >= 2.5.4)
      net-imap
      net-pop
      net-smtp
      rails-dom-testing (~> 2.2)
    actionpack (7.1.5.2)
      actionview (= 7.1.5.2)
      activesupport (= 7.1.5.2)
      nokogiri (>= 1.8.5)
      racc
      rack (>= 2.2.4)
      rack-session (>= 1.0.1)
      rack-test (>= 0.6.3)
      rails-dom-testing (~> 2.2)
      rails-html-sanitizer (~> 1.6)
    actiontext (7.1.5.2)
      actionpack (= 7.1.5.2)
      activerecord (= 7.1.5.2)
      activestorage (= 7.1.5.2)
      activesupport (= 7.1.5.2)
      globalid (>= 0.6.0)
      nokogiri (>= 1.8.5)
    actionview (7.1.5.2)
      activesupport (= 7.1.5.2)
      builder (~> 3.1)
      erubi (~> 1.11)
      rails-dom-testing (~> 2.2)
      rails-html-sanitizer (~> 1.6)
    activejob (7.1.5.2)
      activesupport (= 7.1.5.2)
      globalid (>= 0.3.6)
    activemodel (7.1.5.2)
      activesupport (= 7.1.5.2)
    activerecord (7.1.5.2)
      activemodel (= 7.1.5.2)
      activesupport (= 7.1.5.2)
      timeout (>= 0.4.0)
    activerecord-import (1.8.1)
      activerecord (>= 4.2)
    activestorage (7.1.5.2)
      actionpack (= 7.1.5.2)
      activejob (= 7.1.5.2)
      activerecord (= 7.1.5.2)
      activesupport (= 7.1.5.2)
      marcel (~> 1.0)
    activesupport (7.1.5.2)
      base64
      benchmark (>= 0.3)
      bigdecimal
      concurrent-ruby (~> 1.0, >= 1.0.2)
      connection_pool (>= 2.2.5)
      drb
      i18n (>= 1.6, < 2)
      logger (>= 1.4.2)
      minitest (>= 5.1)
      mutex_m
      securerandom (>= 0.3)
      tzinfo (~> 2.0)
    addressable (2.8.7)
      public_suffix (>= 2.0.2, < 7.0)
    base64 (0.2.0)
    benchmark (0.4.1)
    bigdecimal (3.2.2)
    bootstrap4-kaminari-views (1.0.1)
      kaminari (>= 0.13)
      rails (>= 3.1)
    builder (3.3.0)
    card (1.108.1)
      actionmailbox (~> 7.1)
      actionmailer (~> 7.1)
      actionview (~> 7.1)
      activejob (~> 7.1)
      activerecord (~> 7.1)
      activerecord-import (~> 1.1)
      activestorage (~> 7.1)
      bootstrap4-kaminari-views (~> 1.0)
      cardname (= 0.18.1)
      coderay (~> 1.1)
      coffee-script (~> 2.4)
      colorize (~> 0.8)
      diff-lcs (~> 1.4)
      haml (~> 5.2)
      jwt (~> 2.2)
      kaminari (~> 1.2)
      railties (~> 7.1)
      rake (~> 13.0)
      sass (~> 3.7.4)
      sassc (~> 2.4)
      sprockets (~> 3.7)
      sprockets-rails (~> 3.2)
      timecop (~> 0.9)
      uglifier (~> 4.2)
      zeitwerk (!= 2.5.0)
    card-mod-account (0.18.1)
      card (= 1.108.1)
      card-mod-edit (= 0.18.1)
      card-mod-email (= 0.18.1)
      card-mod-integrate (= 0.18.1)
      card-mod-list (= 0.18.1)
      card-mod-permissions (= 0.18.1)
    card-mod-ace_editor (0.18.1)
      card (= 1.108.1)
      card-mod-edit (= 0.18.1)
      card-mod-script (= 0.18.1)
    card-mod-api_key (0.18.1)
      card (= 1.108.1)
      card-mod-account (= 0.18.1)
    card-mod-assets (0.18.1)
      card (= 1.108.1)
      card-mod-carrierwave (= 0.18.1)
      card-mod-content (= 0.18.1)
      card-mod-format (= 0.18.1)
      card-mod-list (= 0.18.1)
      card-mod-virtual (= 0.18.1)
      execjs (~> 2.7, != 2.8.0)
    card-mod-bar_and_box (0.18.1)
      card (= 1.108.1)
      card-mod-style (= 0.18.1)
    card-mod-bootstrap (0.18.1)
      card (= 1.108.1)
      card-mod-bar_and_box (= 0.18.1)
      card-mod-edit (= 0.18.1)
      card-mod-script (= 0.18.1)
      card-mod-style (= 0.18.1)
    card-mod-carrierwave (0.18.1)
      card (= 1.108.1)
      card-mod-history (= 0.18.1)
      card-mod-permissions (= 0.18.1)
      carrierwave (~> 3.0)
      marcel (= 1.0.2)
      mini_magick (~> 4.12)
      ssrf_filter (~> 1.1)
    card-mod-collection (0.18.1)
      card (= 1.108.1)
    card-mod-comment (0.18.1)
      card (= 1.108.1)
      card-mod-permissions (= 0.18.1)
    card-mod-content (0.18.1)
      card (= 1.108.1)
    card-mod-date (0.18.1)
      card (= 1.108.1)
    card-mod-defaults (0.18.1)
      card (= 1.108.1)
      card-mod-account (= 0.18.1)
      card-mod-ace_editor (= 0.18.1)
      card-mod-api_key (= 0.18.1)
      card-mod-assets (= 0.18.1)
      card-mod-bar_and_box (= 0.18.1)
      card-mod-bootstrap (= 0.18.1)
      card-mod-carrierwave (= 0.18.1)
      card-mod-comment (= 0.18.1)
      card-mod-date (= 0.18.1)
      card-mod-delayed_job (= 0.18.1)
      card-mod-follow (= 0.18.1)
      card-mod-help (= 0.18.1)
      card-mod-history (= 0.18.1)
      card-mod-integrate (= 0.18.1)
      card-mod-layout (= 0.18.1)
      card-mod-list (= 0.18.1)
      card-mod-markdown (= 0.18.1)
      card-mod-permissions (= 0.18.1)
      card-mod-recaptcha (= 0.18.1)
      card-mod-rules (= 0.18.1)
      card-mod-search (= 0.18.1)
      card-mod-tabs (= 0.18.1)
      card-mod-tinymce_editor (= 0.18.1)
    card-mod-delayed_job (0.18.1)
      card (= 1.108.1)
      daemons (~> 1.4)
      delayed_job_active_record (~> 4.1)
      delayed_job_web (~> 1.4)
    card-mod-edit (0.18.1)
      card (= 1.108.1)
      card-mod-list (= 0.18.1)
      card-mod-rules (= 0.18.1)
    card-mod-email (0.18.1)
      card (= 1.108.1)
      card-mod-list (= 0.18.1)
      card-mod-permissions (= 0.18.1)
      card-mod-search (= 0.18.1)
    card-mod-follow (0.18.1)
      card (= 1.108.1)
      card-mod-carrierwave (= 0.18.1)
    card-mod-format (0.18.1)
      card (= 1.108.1)
      card-mod-content (= 0.18.1)
    card-mod-help (0.18.1)
      card (= 1.108.1)
      card-mod-markdown (= 0.18.1)
      card-mod-permissions (= 0.18.1)
    card-mod-history (0.18.1)
      card (= 1.108.1)
    card-mod-integrate (0.18.1)
      card (= 1.108.1)
      card-mod-rules (= 0.18.1)
    card-mod-layout (0.18.1)
      card (= 1.108.1)
      card-mod-account (= 0.18.1)
      card-mod-session (= 0.18.1)
      card-mod-tabs (= 0.18.1)
    card-mod-list (0.18.1)
      card (= 1.108.1)
      card-mod-collection (= 0.18.1)
      card-mod-format (= 0.18.1)
    card-mod-markdown (0.18.1)
      card (= 1.108.1)
      kramdown (~> 2.4)
      kramdown-syntax-coderay (~> 1.0)
    card-mod-permissions (0.18.1)
      card (= 1.108.1)
    card-mod-recaptcha (0.18.1)
      card (= 1.108.1)
      recaptcha (~> 4.13.1)
    card-mod-rules (0.18.1)
      card (= 1.108.1)
      card-mod-format (= 0.18.1)
      card-mod-search (= 0.18.1)
    card-mod-script (0.18.1)
      card (= 1.108.1)
      card-mod-assets (= 0.18.1)
      card-mod-list (= 0.18.1)
    card-mod-search (0.18.1)
      card (= 1.108.1)
      card-mod-collection (= 0.18.1)
      card-mod-format (= 0.18.1)
      card-mod-help (= 0.18.1)
    card-mod-session (0.18.1)
      card (= 1.108.1)
      card-mod-list (= 0.18.1)
    card-mod-style (0.18.1)
      card (= 1.108.1)
      card-mod-assets (= 0.18.1)
      card-mod-list (= 0.18.1)
    card-mod-tabs (0.18.1)
      card (= 1.108.1)
      card-mod-bootstrap (= 0.18.1)
    card-mod-tinymce_editor (0.18.1)
      card (= 1.108.1)
      card-mod-edit (= 0.18.1)
    card-mod-virtual (0.18.1)
      card (= 1.108.1)
    cardname (0.18.1)
      activesupport (~> 7.1)
      htmlentities (~> 4.3)
    carrierwave (3.1.2)
      activemodel (>= 6.0.0)
      activesupport (>= 6.0.0)
      addressable (~> 2.6)
      image_processing (~> 1.1)
      marcel (~> 1.0.0)
      ssrf_filter (~> 1.0)
    coderay (1.1.3)
    coffee-script (2.4.1)
      coffee-script-source
      execjs
    coffee-script-source (1.12.2)
    colorize (0.8.1)
    concurrent-ruby (1.3.5)
    connection_pool (2.5.3)
    crass (1.0.6)
    daemons (1.4.1)
    dalli (3.2.8)
    date (3.4.1)
    decko (0.18.1)
      actionpack (~> 7.1)
      card (= 1.108.1)
      card-mod-defaults (= 0.18.1)
    delayed_job (4.1.13)
      activesupport (>= 3.0, < 9.0)
    delayed_job_active_record (4.1.11)
      activerecord (>= 3.0, < 9.0)
      delayed_job (>= 3.0, < 5)
    delayed_job_web (1.4.4)
      activerecord (> 3.0.0)
      delayed_job (> 2.0.3)
      rack-protection (>= 1.5.5)
      sinatra (>= 1.4.4)
    diff-lcs (1.6.0)
    drb (2.2.3)
    erb (5.0.2)
    erubi (1.13.1)
    excon (1.2.5)
      logger
    execjs (2.10.0)
    ffi (1.17.1-arm64-darwin)
    ffi (1.17.1-x86_64-darwin)
    ffi (1.17.1-x86_64-linux-gnu)
    fog-aws (3.30.0)
      base64 (~> 0.2.0)
      fog-core (~> 2.6)
      fog-json (~> 1.1)
      fog-xml (~> 0.1)
    fog-core (2.6.0)
      builder
      excon (~> 1.0)
      formatador (>= 0.2, < 2.0)
      mime-types
    fog-json (1.2.0)
      fog-core
      multi_json (~> 1.10)
    fog-xml (0.1.5)
      fog-core
      nokogiri (>= 1.5.11, < 2.0.0)
    formatador (1.1.0)
    globalid (1.2.1)
      activesupport (>= 6.1)
    haml (5.2.2)
      temple (>= 0.8.0)
      tilt
    htmlentities (4.3.4)
    i18n (1.14.7)
      concurrent-ruby (~> 1.0)
    image_processing (1.14.0)
      mini_magick (>= 4.9.5, < 6)
      ruby-vips (>= 2.0.17, < 3)
    io-console (0.8.1)
    irb (1.15.2)
      pp (>= 0.6.0)
      rdoc (>= 4.0.0)
      reline (>= 0.4.2)
    json (2.10.2)
    jwt (2.10.1)
      base64
    kaminari (1.2.2)
      activesupport (>= 4.1.0)
      kaminari-actionview (= 1.2.2)
      kaminari-activerecord (= 1.2.2)
      kaminari-core (= 1.2.2)
    kaminari-actionview (1.2.2)
      actionview
      kaminari-core (= 1.2.2)
    kaminari-activerecord (1.2.2)
      activerecord
      kaminari-core (= 1.2.2)
    kaminari-core (1.2.2)
    kramdown (2.5.1)
      rexml (>= 3.3.9)
    kramdown-syntax-coderay (1.0.1)
      coderay (~> 1.1)
      kramdown (~> 2.0)
    logger (1.6.6)
    loofah (2.24.1)
      crass (~> 1.0.2)
      nokogiri (>= 1.12.0)
    mail (2.8.1)
      mini_mime (>= 0.1.1)
      net-imap
      net-pop
      net-smtp
    marcel (1.0.2)
    mime-types (3.6.0)
      logger
      mime-types-data (~> 3.2015)
    mime-types-data (3.2025.0304)
    mini_magick (4.13.2)
    mini_mime (1.1.5)
    minitest (5.25.5)
    multi_json (1.15.0)
    mustermann (3.0.3)
      ruby2_keywords (~> 0.0.1)
    mutex_m (0.3.0)
    net-imap (0.5.6)
      date
      net-protocol
    net-pop (0.1.2)
      net-protocol
    net-protocol (0.2.2)
      timeout
    net-smtp (0.5.1)
      net-protocol
    nio4r (2.7.4)
    nokogiri (1.18.9-arm64-darwin)
      racc (~> 1.4)
    nokogiri (1.18.9-x86_64-darwin)
      racc (~> 1.4)
    nokogiri (1.18.9-x86_64-linux-gnu)
      racc (~> 1.4)
    pp (0.6.2)
      prettyprint
    prettyprint (0.2.0)
    psych (5.2.6)
      date
      stringio
    public_suffix (6.0.1)
    racc (1.8.1)
    rack (2.2.17)
    rack-protection (3.2.0)
      base64 (>= 0.1.0)
      rack (~> 2.2, >= 2.2.4)
    rack-session (1.0.2)
      rack (< 3)
    rack-test (2.2.0)
      rack (>= 1.3)
    rackup (1.0.1)
      rack (< 3)
      webrick
    rails (7.1.5.2)
      actioncable (= 7.1.5.2)
      actionmailbox (= 7.1.5.2)
      actionmailer (= 7.1.5.2)
      actionpack (= 7.1.5.2)
      actiontext (= 7.1.5.2)
      actionview (= 7.1.5.2)
      activejob (= 7.1.5.2)
      activemodel (= 7.1.5.2)
      activerecord (= 7.1.5.2)
      activestorage (= 7.1.5.2)
      activesupport (= 7.1.5.2)
      bundler (>= 1.15.0)
      railties (= 7.1.5.2)
    rails-dom-testing (2.3.0)
      activesupport (>= 5.0.0)
      minitest
      nokogiri (>= 1.6)
    rails-html-sanitizer (1.6.2)
      loofah (~> 2.21)
      nokogiri (>= 1.15.7, != 1.16.7, != 1.16.6, != 1.16.5, != 1.16.4, != 1.16.3, != 1.16.2, != 1.16.1, != 1.16.0.rc1, != 1.16.0)
    railties (7.1.5.2)
      actionpack (= 7.1.5.2)
      activesupport (= 7.1.5.2)
      irb
      rackup (>= 1.0.0)
      rake (>= 12.2)
      thor (~> 1.0, >= 1.2.2)
      zeitwerk (~> 2.6)
    rake (13.2.1)
    rb-fsevent (0.11.2)
    rb-inotify (0.11.1)
      ffi (~> 1.0)
    rdoc (6.14.2)
      erb
      psych (>= 4.0.0)
    recaptcha (4.13.2)
      json
    reline (0.6.2)
      io-console (~> 0.5)
    rexml (3.4.1)
    ruby-vips (2.2.3)
      ffi (~> 1.12)
      logger
    ruby2_keywords (0.0.5)
    sass (3.7.4)
      sass-listen (~> 4.0.0)
    sass-listen (4.0.0)
      rb-fsevent (~> 0.9, >= 0.9.4)
      rb-inotify (~> 0.9, >= 0.9.7)
    sassc (2.4.0)
      ffi (~> 1.9)
    securerandom (0.4.1)
    sinatra (3.2.0)
      mustermann (~> 3.0)
      rack (~> 2.2, >= 2.2.4)
      rack-protection (= 3.2.0)
      tilt (~> 2.0)
    sprockets (3.7.5)
      base64
      concurrent-ruby (~> 1.0)
      rack (> 1, < 3)
    sprockets-rails (3.5.2)
      actionpack (>= 6.1)
      activesupport (>= 6.1)
      sprockets (>= 3.0.0)
    ssrf_filter (1.3.0)
    stringio (3.1.7)
    temple (0.10.3)
    thor (1.3.2)
    tilt (2.6.0)
    timecop (0.9.10)
    timeout (0.4.3)
    tzinfo (2.0.6)
      concurrent-ruby (~> 1.0)
    uglifier (4.2.1)
      execjs (>= 0.3.0, < 3)
    webrick (1.9.1)
    websocket-driver (0.7.7)
      base64
      websocket-extensions (>= 0.1.0)
    websocket-extensions (0.1.5)
    zeitwerk (2.7.3)

PLATFORMS
  arm64-darwin-21
  x86_64-darwin-20
  x86_64-linux

DEPENDENCIES
  card-mod-defaults
  dalli
  decko
  fog-aws

BUNDLED WITH
   2.4.18
